STORAGE: NONE
RESTRICTION: || (== net472) (== net50)
NUGET
  remote: https://www.nuget.org/api/v2
    EnvDTE (16.9.31023.347)
      Microsoft.VisualStudio.SDK.EmbedInteropTypes (>= 15.0.34)
      stdole (>= 16.9.31023.347)
    EnvDTE100 (16.9.31023.347)
      EnvDTE90a (>= 16.9.31023.347)
      Microsoft.VisualStudio.SDK.EmbedInteropTypes (>= 15.0.34)
    EnvDTE80 (16.9.31023.347)
      EnvDTE (>= 16.9.31023.347)
      Microsoft.VisualStudio.SDK.EmbedInteropTypes (>= 15.0.34)
    EnvDTE90 (16.9.31023.347)
      EnvDTE80 (>= 16.9.31023.347)
      Microsoft.VisualStudio.SDK.EmbedInteropTypes (>= 15.0.34)
    EnvDTE90a (16.9.31023.347)
      EnvDTE90 (>= 16.9.31023.347)
      Microsoft.VisualStudio.SDK.EmbedInteropTypes (>= 15.0.34)
    FParsec (1.1.1) - copy_local: true
      FSharp.Core (>= 4.3.4)
      System.ValueTuple (>= 4.4) - restriction: || (== net472) (&& (== net50) (>= net45))
    FSharp.Core (5.0.1)
    FsUnit (4.0.4)
      FSharp.Core (>= 4.3.4)
      NETStandard.Library (>= 2.0.3)
      NUnit (>= 3.13 < 4.0)
    MessagePack (2.2.85)
      MessagePack.Annotations (>= 2.2.85)
      Microsoft.Bcl.AsyncInterfaces (>= 1.0)
      System.Collections.Immutable (>= 1.5)
      System.Memory (>= 4.5.3)
      System.Reflection.Emit (>= 4.6)
      System.Reflection.Emit.Lightweight (>= 4.6)
      System.Runtime.CompilerServices.Unsafe (>= 4.5.2)
      System.Threading.Tasks.Extensions (>= 4.5.3)
    MessagePack.Annotations (2.2.85)
    Microsoft.Bcl.AsyncInterfaces (5.0)
      System.Threading.Tasks.Extensions (>= 4.5.4) - restriction: || (== net472) (&& (== net50) (>= net461)) (&& (== net50) (< netcoreapp2.1) (< netstandard2.1))
    Microsoft.Build (16.9) - restriction: || (== net472) (&& (== net50) (>= net46))
      Microsoft.Build.Framework (>= 16.9)
      Microsoft.VisualStudio.Setup.Configuration.Interop (>= 1.16.30) - restriction: || (== net472) (&& (== net50) (>= net472))
      System.Collections.Immutable (>= 5.0)
      System.Memory (>= 4.5.4)
      System.Text.Json (>= 4.7)
      System.Threading.Tasks.Dataflow (>= 4.9)
    Microsoft.Build.Framework (16.9) - restriction: || (== net472) (&& (== net50) (>= net46)) (&& (== net50) (>= net472))
    Microsoft.CodeAnalysis.BannedApiAnalyzers (3.3.2)
    Microsoft.CodeCoverage (16.9.4)
    Microsoft.Diagnostics.Tracing.EventSource.Redist (5.0) - restriction: || (== net472) (&& (== net50) (>= net472))
    Microsoft.DotNet.InternalAbstractions (1.0) - restriction: || (&& (== net472) (>= netcoreapp2.1)) (== net50)
      System.AppContext (>= 4.1) - restriction: || (&& (== net472) (< net451)) (== net50)
      System.Collections (>= 4.0.11) - restriction: || (&& (== net472) (< net451)) (== net50)
      System.IO (>= 4.1) - restriction: || (&& (== net472) (< net451)) (== net50)
      System.IO.FileSystem (>= 4.0.1) - restriction: || (&& (== net472) (< net451)) (== net50)
      System.Reflection.TypeExtensions (>= 4.1) - restriction: || (&& (== net472) (< net451)) (== net50)
      System.Runtime.Extensions (>= 4.1) - restriction: || (&& (== net472) (< net451)) (== net50)
      System.Runtime.InteropServices (>= 4.1) - restriction: || (&& (== net472) (< net451)) (== net50)
      System.Runtime.InteropServices.RuntimeInformation (>= 4.0) - restriction: || (&& (== net472) (< net451)) (== net50)
    Microsoft.NET.Test.Sdk (16.9.4)
      Microsoft.CodeCoverage (>= 16.9.4)
      Microsoft.TestPlatform.TestHost (>= 16.9.4) - restriction: || (&& (== net472) (>= netcoreapp1.0)) (== net50)
    Microsoft.NETCore.Platforms (5.0.2)
    Microsoft.NETCore.Targets (5.0)
    Microsoft.ServiceHub.Analyzers (2.7.2466)
    Microsoft.ServiceHub.Client (2.7.2466) - restriction: || (== net472) (&& (== net50) (>= net472))
      Microsoft.ServiceHub.Framework (>= 2.7.2466)
      Microsoft.ServiceHub.Resources (>= 2.7.2466)
      Microsoft.VisualStudio.RemoteControl (>= 16.3.32)
      Microsoft.VisualStudio.Telemetry (>= 16.3.104)
      StreamJsonRpc (>= 2.7.67)
      System.Collections.Immutable (>= 5.0)
    Microsoft.ServiceHub.Framework (2.7.2466)
      Microsoft.ServiceHub.Analyzers (>= 2.7.2466)
      StreamJsonRpc (>= 2.7.67)
      System.Collections.Immutable (>= 5.0)
    Microsoft.ServiceHub.Resources (2.7.2466) - restriction: || (== net472) (&& (== net50) (>= net472))
    Microsoft.TestPlatform.ObjectModel (16.9.4) - restriction: || (&& (== net472) (>= netcoreapp1.0)) (== net50)
      NuGet.Frameworks (>= 5.0)
      System.Reflection.Metadata (>= 1.6)
    Microsoft.TestPlatform.TestHost (16.9.4) - restriction: || (&& (== net472) (>= netcoreapp1.0)) (== net50)
      Microsoft.TestPlatform.ObjectModel (>= 16.9.4) - restriction: || (&& (== net472) (>= netcoreapp1.0)) (&& (== net472) (>= uap10.0)) (== net50)
      Newtonsoft.Json (>= 9.0.1) - restriction: || (&& (== net472) (>= netcoreapp1.0)) (&& (== net472) (>= uap10.0)) (== net50)
    Microsoft.VisualStudio.CommandBars (16.9.31023.347)
      Microsoft.VisualStudio.SDK.EmbedInteropTypes (>= 15.0.34)
      stdole (>= 16.9.31023.347)
    Microsoft.VisualStudio.ComponentModelHost (16.9.227)
      Microsoft.VisualStudio.Shell.Interop.10.0 (>= 16.9.30921.310) - restriction: || (== net472) (&& (== net50) (>= net472))
    Microsoft.VisualStudio.Composition (16.9.20) - restriction: || (== net472) (&& (== net50) (>= net46))
      Microsoft.VisualStudio.Composition.Analyzers (>= 16.9.20)
      Microsoft.VisualStudio.Composition.NetFxAttributes (>= 16.9.20)
      Microsoft.VisualStudio.Validation (>= 15.5.31)
      System.ComponentModel.Composition (>= 4.5)
      System.Composition (>= 1.0.31)
      System.Reflection.Emit (>= 4.3)
      System.Reflection.Metadata (>= 1.6)
      System.Reflection.TypeExtensions (>= 4.3)
      System.Threading.Tasks.Dataflow (>= 4.11.1)
    Microsoft.VisualStudio.Composition.Analyzers (16.9.20) - restriction: || (== net472) (&& (== net50) (>= net46))
    Microsoft.VisualStudio.Composition.NetFxAttributes (16.9.20) - restriction: || (== net472) (&& (== net50) (>= net46))
      System.ComponentModel.Composition (>= 4.5)
    Microsoft.VisualStudio.CoreUtility (16.10.44)
      Microsoft.VisualStudio.Threading (>= 16.9.51)
      System.Collections.Immutable (>= 5.0)
      System.ComponentModel.Composition (>= 4.5)
    Microsoft.VisualStudio.Debugger.Engine (16.4.1111102)
      Microsoft.VisualStudio.Debugger.Interop.11.0 (>= 11.0.50728) - restriction: || (== net472) (&& (== net50) (>= net20))
      Microsoft.VisualStudio.Debugger.InteropA (>= 9.0.21023) - restriction: || (== net472) (&& (== net50) (>= net20))
    Microsoft.VisualStudio.Debugger.Interop.10.0 (16.9.31023.347)
      Microsoft.VisualStudio.Debugger.InteropA (>= 16.9.31023.347)
      Microsoft.VisualStudio.SDK.EmbedInteropTypes (>= 15.0.34)
    Microsoft.VisualStudio.Debugger.Interop.11.0 (16.9.31023.347)
      Microsoft.VisualStudio.Debugger.InteropA (>= 16.9.31023.347)
      Microsoft.VisualStudio.SDK.EmbedInteropTypes (>= 15.0.34)
    Microsoft.VisualStudio.Debugger.Interop.12.0 (16.9.31023.347)
      Microsoft.VisualStudio.Debugger.InteropA (>= 16.9.31023.347)
      Microsoft.VisualStudio.SDK.EmbedInteropTypes (>= 15.0.34)
    Microsoft.VisualStudio.Debugger.Interop.14.0 (16.9.31023.347)
      Microsoft.VisualStudio.Debugger.Interop.11.0 (>= 16.9.31023.347)
      Microsoft.VisualStudio.SDK.EmbedInteropTypes (>= 15.0.34)
    Microsoft.VisualStudio.Debugger.Interop.15.0 (16.9.31023.347)
      Microsoft.VisualStudio.Debugger.Interop.10.0 (>= 16.9.31023.347)
      Microsoft.VisualStudio.SDK.EmbedInteropTypes (>= 15.0.34)
    Microsoft.VisualStudio.Debugger.Interop.16.0 (16.9.31024.71)
      Microsoft.VisualStudio.Debugger.Interop.10.0 (>= 16.9.31023.347)
      Microsoft.VisualStudio.Debugger.Interop.11.0 (>= 16.9.31023.347)
      Microsoft.VisualStudio.SDK.EmbedInteropTypes (>= 15.0.34)
    Microsoft.VisualStudio.Debugger.InteropA (16.9.31023.347)
      Microsoft.VisualStudio.SDK.EmbedInteropTypes (>= 15.0.34)
    Microsoft.VisualStudio.Designer.Interfaces (1.1.4323)
    Microsoft.VisualStudio.Editor (16.9.227)
      Microsoft.VisualStudio.CoreUtility (>= 16.9.227) - restriction: || (== net472) (&& (== net50) (>= net472))
      Microsoft.VisualStudio.Language (>= 16.9.227) - restriction: || (== net472) (&& (== net50) (>= net472))
      Microsoft.VisualStudio.RpcContracts (>= 16.9.63) - restriction: || (== net472) (&& (== net50) (>= net472))
      Microsoft.VisualStudio.Shell.15.0 (>= 16.9.30921.310) - restriction: || (== net472) (&& (== net50) (>= net472))
      Microsoft.VisualStudio.Shell.Interop.11.0 (>= 16.9.30921.310) - restriction: || (== net472) (&& (== net50) (>= net472))
      Microsoft.VisualStudio.Text.Data (>= 16.9.227) - restriction: || (== net472) (&& (== net50) (>= net472))
      Microsoft.VisualStudio.Text.Logic (>= 16.9.227) - restriction: || (== net472) (&& (== net50) (>= net472))
      Microsoft.VisualStudio.Text.UI (>= 16.9.227) - restriction: || (== net472) (&& (== net50) (>= net472))
      Microsoft.VisualStudio.Text.UI.Wpf (>= 16.9.227) - restriction: || (== net472) (&& (== net50) (>= net472))
      Microsoft.VisualStudio.TextManager.Interop (>= 16.9.30921.310) - restriction: || (== net472) (&& (== net50) (>= net472))
      Microsoft.VisualStudio.TextManager.Interop.8.0 (>= 16.9.30921.310) - restriction: || (== net472) (&& (== net50) (>= net472))
      Microsoft.VisualStudio.Threading (>= 16.9.51) - restriction: || (== net472) (&& (== net50) (>= net472))
      Microsoft.VisualStudio.Validation (>= 16.9.28) - restriction: || (== net472) (&& (== net50) (>= net472))
    Microsoft.VisualStudio.GraphModel (16.9.31023.347) - restriction: || (== net472) (&& (== net50) (>= net472))
      Microsoft.VisualStudio.OLE.Interop (>= 16.9.31023.347) - restriction: || (== net472) (&& (== net50) (>= net472))
      System.ComponentModel.Composition (>= 4.5) - restriction: || (== net472) (&& (== net50) (>= net472))
    Microsoft.VisualStudio.ImageCatalog (16.9.31023.347)
      Microsoft.VisualStudio.Imaging.Interop.14.0.DesignTime (>= 16.9.31023.347)
    Microsoft.VisualStudio.Imaging (16.9.31024.71)
      Microsoft.VisualStudio.ImageCatalog (>= 16.9.31023.347) - restriction: || (== net472) (&& (== net50) (>= net472))
      Microsoft.VisualStudio.Imaging.Interop.14.0.DesignTime (>= 16.9.31023.347) - restriction: || (== net472) (&& (== net50) (>= net472))
      Microsoft.VisualStudio.Threading (>= 16.9.54) - restriction: || (== net472) (&& (== net50) (>= net472))
      Microsoft.VisualStudio.Utilities (>= 16.9.31024.71) - restriction: || (== net472) (&& (== net50) (>= net472))
      stdole (>= 16.9.31023.347) - restriction: || (== net472) (&& (== net50) (>= net472))
      System.Collections.Immutable (>= 5.0) - restriction: || (== net472) (&& (== net50) (>= net472))
    Microsoft.VisualStudio.Imaging.Interop.14.0.DesignTime (16.9.31023.347)
      Microsoft.VisualStudio.SDK.EmbedInteropTypes (>= 15.0.34)
    Microsoft.VisualStudio.Language (16.9.227)
      Microsoft.VisualStudio.CoreUtility (>= 16.9.227)
      Microsoft.VisualStudio.Text.Data (>= 16.9.227)
      Microsoft.VisualStudio.Text.Logic (>= 16.9.227)
      Microsoft.VisualStudio.Text.UI (>= 16.9.227)
      Newtonsoft.Json (>= 12.0.2)
      System.Collections.Immutable (>= 5.0)
      System.ComponentModel.Composition (>= 4.5)
      System.Private.Uri (>= 4.3.2)
    Microsoft.VisualStudio.Language.Intellisense (16.9.227)
      Microsoft.VisualStudio.CoreUtility (>= 16.9.227) - restriction: || (== net472) (&& (== net50) (>= net472))
      Microsoft.VisualStudio.Imaging.Interop.14.0.DesignTime (>= 16.9.30921.310) - restriction: || (== net472) (&& (== net50) (>= net472))
      Microsoft.VisualStudio.Language (>= 16.9.227) - restriction: || (== net472) (&& (== net50) (>= net472))
      Microsoft.VisualStudio.Text.Data (>= 16.9.227) - restriction: || (== net472) (&& (== net50) (>= net472))
      Microsoft.VisualStudio.Text.Logic (>= 16.9.227) - restriction: || (== net472) (&& (== net50) (>= net472))
      Microsoft.VisualStudio.Text.UI (>= 16.9.227) - restriction: || (== net472) (&& (== net50) (>= net472))
      System.Runtime.CompilerServices.Unsafe (>= 4.7.1) - restriction: || (== net472) (&& (== net50) (>= net472))
    Microsoft.VisualStudio.Language.NavigateTo.Interfaces (16.9.227)
      Microsoft.VisualStudio.ImageCatalog (>= 16.9.30921.310) - restriction: || (== net472) (&& (== net50) (>= net472))
      Microsoft.VisualStudio.Imaging (>= 16.9.30921.310) - restriction: || (== net472) (&& (== net50) (>= net472))
      Microsoft.VisualStudio.Imaging.Interop.14.0.DesignTime (>= 16.9.30921.310) - restriction: || (== net472) (&& (== net50) (>= net472))
      Microsoft.VisualStudio.OLE.Interop (>= 16.9.30921.310) - restriction: || (== net472) (&& (== net50) (>= net472))
      Microsoft.VisualStudio.Shell.Interop (>= 16.9.30921.310) - restriction: || (== net472) (&& (== net50) (>= net472))
      Microsoft.VisualStudio.Shell.Interop.10.0 (>= 16.9.30921.310) - restriction: || (== net472) (&& (== net50) (>= net472))
      Microsoft.VisualStudio.Shell.Interop.11.0 (>= 16.9.30921.310) - restriction: || (== net472) (&& (== net50) (>= net472))
      Microsoft.VisualStudio.Shell.Interop.12.0 (>= 16.9.30921.310) - restriction: || (== net472) (&& (== net50) (>= net472))
      Microsoft.VisualStudio.Shell.Interop.14.0.DesignTime (>= 16.9.30921.310) - restriction: || (== net472) (&& (== net50) (>= net472))
      Microsoft.VisualStudio.Shell.Interop.8.0 (>= 16.9.30921.310) - restriction: || (== net472) (&& (== net50) (>= net472))
      Microsoft.VisualStudio.Text.Logic (>= 16.9.205) - restriction: || (== net472) (&& (== net50) (>= net472))
      Microsoft.VisualStudio.TextManager.Interop (>= 16.9.30921.310) - restriction: || (== net472) (&& (== net50) (>= net472))
      Microsoft.VisualStudio.TextManager.Interop.8.0 (>= 16.9.30921.310) - restriction: || (== net472) (&& (== net50) (>= net472))
      Microsoft.VisualStudio.Utilities (>= 16.9.30921.310) - restriction: || (== net472) (&& (== net50) (>= net472))
    Microsoft.VisualStudio.Language.StandardClassification (16.9.227)
      Microsoft.VisualStudio.Text.Logic (>= 16.9.227)
    Microsoft.VisualStudio.LanguageServer.Client (16.9.1180)
      Microsoft.VisualStudio.CoreUtility (>= 16.9.214) - restriction: || (== net472) (&& (== net50) (>= net472))
      Microsoft.VisualStudio.LanguageServer.Protocol (>= 16.9.1180) - restriction: || (== net472) (&& (== net50) (>= net472))
      Microsoft.VisualStudio.Shell.15.0 (>= 16.9.30927.25) - restriction: || (== net472) (&& (== net50) (>= net472))
      Microsoft.VisualStudio.Shell.Framework (>= 16.9.30927.25) - restriction: || (== net472) (&& (== net50) (>= net472))
      Microsoft.VisualStudio.Utilities (>= 16.9.30927.25) - restriction: || (== net472) (&& (== net50) (>= net472))
      StreamJsonRpc (>= 2.7.70) - restriction: || (== net472) (&& (== net50) (>= net472))
    Microsoft.VisualStudio.LanguageServer.Protocol (16.9.1180) - restriction: || (== net472) (&& (== net50) (>= net472))
      Newtonsoft.Json (>= 9.0.1)
    Microsoft.VisualStudio.OLE.Interop (16.9.31023.347)
      Microsoft.VisualStudio.SDK.EmbedInteropTypes (>= 15.0.34)
    Microsoft.VisualStudio.Package.LanguageService.15.0 (16.9.31025.104)
      Microsoft.VisualStudio.Shell.Framework (>= 16.9.31024.71)
    Microsoft.VisualStudio.ProjectAggregator (16.9.31023.347)
      Microsoft.VisualStudio.SDK.EmbedInteropTypes (>= 15.0.34)
    Microsoft.VisualStudio.RemoteControl (16.3.32) - restriction: || (== net472) (&& (== net50) (>= net472))
      Microsoft.VisualStudio.Utilities.Internal (>= 16.3.23)
    Microsoft.VisualStudio.RpcContracts (16.9.65) - restriction: || (== net472) (&& (== net50) (>= net472))
      Microsoft.ServiceHub.Framework (>= 2.7.339)
      StreamJsonRpc (>= 2.7.67)
    Microsoft.VisualStudio.SDK (16.0.206)
      EnvDTE100 (>= 10.0.3)
      Microsoft.VisualStudio.CommandBars (>= 8.0)
      Microsoft.VisualStudio.ComponentModelHost (>= 16.0.467)
      Microsoft.VisualStudio.CoreUtility (>= 16.0.467)
      Microsoft.VisualStudio.Debugger.Engine (>= 16.0.2032702)
      Microsoft.VisualStudio.Debugger.Interop.10.0 (>= 10.0.30320)
      Microsoft.VisualStudio.Debugger.Interop.12.0 (>= 12.0.21006)
      Microsoft.VisualStudio.Debugger.Interop.14.0 (>= 14.3.25408)
      Microsoft.VisualStudio.Debugger.Interop.15.0 (>= 15.9.28307)
      Microsoft.VisualStudio.Debugger.Interop.16.0 (>= 16.0.28727)
      Microsoft.VisualStudio.Debugger.InteropA (>= 9.0.21023)
      Microsoft.VisualStudio.Designer.Interfaces (>= 1.1.4323)
      Microsoft.VisualStudio.Editor (>= 16.0.467)
      Microsoft.VisualStudio.ImageCatalog (>= 16.0.28727)
      Microsoft.VisualStudio.Imaging (>= 16.0.28729)
      Microsoft.VisualStudio.Language (>= 16.0.467)
      Microsoft.VisualStudio.Language.Intellisense (>= 16.0.467)
      Microsoft.VisualStudio.Language.NavigateTo.Interfaces (>= 16.0.467)
      Microsoft.VisualStudio.Language.StandardClassification (>= 16.0.467)
      Microsoft.VisualStudio.LanguageServer.Client (>= 16.0.2264)
      Microsoft.VisualStudio.OLE.Interop (>= 7.10.6071)
      Microsoft.VisualStudio.Package.LanguageService.15.0 (>= 16.0.28729)
      Microsoft.VisualStudio.ProjectAggregator (>= 8.0.50728)
      Microsoft.VisualStudio.SDK.Analyzers (>= 16.3.14)
      Microsoft.VisualStudio.SDK.EmbedInteropTypes (>= 15.0.27)
      Microsoft.VisualStudio.Setup.Configuration.Interop (>= 1.16.30)
      Microsoft.VisualStudio.Shell.15.0 (>= 16.0.28729)
      Microsoft.VisualStudio.Shell.Design (>= 16.0.28729)
      Microsoft.VisualStudio.Shell.Embeddable (>= 16.0.28727)
      Microsoft.VisualStudio.Shell.Interop (>= 7.10.6072)
      Microsoft.VisualStudio.Shell.Interop.15.1.DesignTime (>= 15.0.26929)
      Microsoft.VisualStudio.Shell.Interop.15.5.DesignTime (>= 15.6.27413)
      Microsoft.VisualStudio.Shell.Interop.15.7.DesignTime (>= 15.7.1)
      Microsoft.VisualStudio.Shell.Interop.15.8.DesignTime (>= 15.8.1)
      Microsoft.VisualStudio.TaskRunnerExplorer.14.0 (>= 14.0)
      Microsoft.VisualStudio.Text.Logic (>= 16.0.467)
      Microsoft.VisualStudio.TextManager.Interop.12.1.DesignTime (>= 12.1.30330)
      Microsoft.VisualStudio.TextTemplating.15.0 (>= 16.0.28727)
      Microsoft.VisualStudio.TextTemplating.Interfaces.15.0 (>= 16.0.28727)
      Microsoft.VisualStudio.TextTemplating.VSHost.15.0 (>= 16.0.28729)
      Microsoft.VisualStudio.Threading (>= 16.0.102)
      Microsoft.VisualStudio.Web.BrowserLink.12.0 (>= 12.0)
      Microsoft.VisualStudio.Workspace.VSIntegration (>= 15.0.485)
      Microsoft.Win32.Primitives (>= 4.3)
      Newtonsoft.Json (>= 9.0.1)
      StreamJsonRpc (>= 1.5.43)
      System.Collections.Immutable (>= 1.5)
      System.ComponentModel.Composition (>= 4.5)
      VSLangProj100 (>= 10.0.30320)
      VSLangProj110 (>= 11.0.61031)
      VSLangProj140 (>= 14.0.25030)
      VSLangProj150 (>= 15.0.26229)
      VSLangProj157 (>= 15.7)
      VSLangProj158 (>= 15.8)
      VSLangProj2 (>= 7.0.5001)
    Microsoft.VisualStudio.SDK.Analyzers (16.7.9)
      Microsoft.CodeAnalysis.BannedApiAnalyzers (>= 3.0)
      Microsoft.VisualStudio.Threading.Analyzers (>= 16.7.40)
    Microsoft.VisualStudio.SDK.EmbedInteropTypes (15.0.36)
    Microsoft.VisualStudio.Setup.Configuration.Interop (1.16.30)
    Microsoft.VisualStudio.Shell.15.0 (16.9.31025.104)
      EnvDTE (>= 16.9.31023.347) - restriction: || (== net472) (&& (== net50) (>= net472))
      EnvDTE80 (>= 16.9.31023.347) - restriction: || (== net472) (&& (== net50) (>= net472))
      Microsoft.VisualStudio.ComponentModelHost (>= 16.9.227) - restriction: || (== net472) (&& (== net50) (>= net472))
      Microsoft.VisualStudio.Designer.Interfaces (>= 1.1.4323) - restriction: || (== net472) (&& (== net50) (>= net472))
      Microsoft.VisualStudio.ImageCatalog (>= 16.9.31023.347) - restriction: || (== net472) (&& (== net50) (>= net472))
      Microsoft.VisualStudio.Imaging (>= 16.9.31024.71) - restriction: || (== net472) (&& (== net50) (>= net472))
      Microsoft.VisualStudio.Imaging.Interop.14.0.DesignTime (>= 16.9.31023.347) - restriction: || (== net472) (&& (== net50) (>= net472))
      Microsoft.VisualStudio.OLE.Interop (>= 16.9.31023.347) - restriction: || (== net472) (&& (== net50) (>= net472))
      Microsoft.VisualStudio.ProjectAggregator (>= 16.9.31023.347) - restriction: || (== net472) (&& (== net50) (>= net472))
      Microsoft.VisualStudio.SDK.Analyzers (>= 16.7.9) - restriction: || (== net472) (&& (== net50) (>= net472))
      Microsoft.VisualStudio.Shell.Embeddable (>= 16.9.31023.347) - restriction: || (== net472) (&& (== net50) (>= net472))
      Microsoft.VisualStudio.Shell.Framework (>= 16.9.31024.71) - restriction: || (== net472) (&& (== net50) (>= net472))
      Microsoft.VisualStudio.Shell.Interop (>= 16.9.31023.347) - restriction: || (== net472) (&& (== net50) (>= net472))
      Microsoft.VisualStudio.Shell.Interop.10.0 (>= 16.9.31023.347) - restriction: || (== net472) (&& (== net50) (>= net472))
      Microsoft.VisualStudio.Shell.Interop.11.0 (>= 16.9.31023.347) - restriction: || (== net472) (&& (== net50) (>= net472))
      Microsoft.VisualStudio.Shell.Interop.12.0 (>= 16.9.31023.347) - restriction: || (== net472) (&& (== net50) (>= net472))
      Microsoft.VisualStudio.Shell.Interop.12.1.DesignTime (>= 16.9.31023.347) - restriction: || (== net472) (&& (== net50) (>= net472))
      Microsoft.VisualStudio.Shell.Interop.14.0.DesignTime (>= 16.9.31023.347) - restriction: || (== net472) (&& (== net50) (>= net472))
      Microsoft.VisualStudio.Shell.Interop.15.0.DesignTime (>= 16.9.31023.347) - restriction: || (== net472) (&& (== net50) (>= net472))
      Microsoft.VisualStudio.Shell.Interop.15.3.DesignTime (>= 16.9.31023.347) - restriction: || (== net472) (&& (== net50) (>= net472))
      Microsoft.VisualStudio.Shell.Interop.15.6.DesignTime (>= 16.9.31023.347) - restriction: || (== net472) (&& (== net50) (>= net472))
      Microsoft.VisualStudio.Shell.Interop.15.7.DesignTime (>= 16.9.31023.347) - restriction: || (== net472) (&& (== net50) (>= net472))
      Microsoft.VisualStudio.Shell.Interop.15.8.DesignTime (>= 16.9.31023.347) - restriction: || (== net472) (&& (== net50) (>= net472))
      Microsoft.VisualStudio.Shell.Interop.16.0.DesignTime (>= 16.9.31024.71) - restriction: || (== net472) (&& (== net50) (>= net472))
      Microsoft.VisualStudio.Shell.Interop.16.3.DesignTime (>= 16.9.31024.71) - restriction: || (== net472) (&& (== net50) (>= net472))
      Microsoft.VisualStudio.Shell.Interop.16.5.DesignTime (>= 16.9.31024.71) - restriction: || (== net472) (&& (== net50) (>= net472))
      Microsoft.VisualStudio.Shell.Interop.8.0 (>= 16.9.31023.347) - restriction: || (== net472) (&& (== net50) (>= net472))
      Microsoft.VisualStudio.Shell.Interop.9.0 (>= 16.9.31023.347) - restriction: || (== net472) (&& (== net50) (>= net472))
      Microsoft.VisualStudio.Text.Data (>= 16.9.227) - restriction: || (== net472) (&& (== net50) (>= net472))
      Microsoft.VisualStudio.TextManager.Interop (>= 16.9.31023.347) - restriction: || (== net472) (&& (== net50) (>= net472))
      Microsoft.VisualStudio.TextManager.Interop.8.0 (>= 16.9.31023.347) - restriction: || (== net472) (&& (== net50) (>= net472))
      Microsoft.VisualStudio.Utilities (>= 16.9.31024.71) - restriction: || (== net472) (&& (== net50) (>= net472))
      stdole (>= 16.9.31023.347) - restriction: || (== net472) (&& (== net50) (>= net472))
    Microsoft.VisualStudio.Shell.Design (16.9.31025.104)
      EnvDTE (>= 16.9.31023.347) - restriction: || (== net472) (&& (== net50) (>= net472))
      Microsoft.VisualStudio.Designer.Interfaces (>= 1.1.4323) - restriction: || (== net472) (&& (== net50) (>= net472))
      Microsoft.VisualStudio.OLE.Interop (>= 16.9.31023.347) - restriction: || (== net472) (&& (== net50) (>= net472))
      Microsoft.VisualStudio.Shell.15.0 (>= 16.9.31025.104) - restriction: || (== net472) (&& (== net50) (>= net472))
      Microsoft.VisualStudio.Shell.Framework (>= 16.9.31024.71) - restriction: || (== net472) (&& (== net50) (>= net472))
      Microsoft.VisualStudio.Shell.Interop (>= 16.9.31023.347) - restriction: || (== net472) (&& (== net50) (>= net472))
      Microsoft.VisualStudio.Shell.Interop.10.0 (>= 16.9.31023.347) - restriction: || (== net472) (&& (== net50) (>= net472))
      Microsoft.VisualStudio.Shell.Interop.11.0 (>= 16.9.31023.347) - restriction: || (== net472) (&& (== net50) (>= net472))
      Microsoft.VisualStudio.Shell.Interop.15.0.DesignTime (>= 16.9.31023.347) - restriction: || (== net472) (&& (== net50) (>= net472))
      Microsoft.VisualStudio.Shell.Interop.8.0 (>= 16.9.31023.347) - restriction: || (== net472) (&& (== net50) (>= net472))
      Microsoft.VisualStudio.Shell.Interop.9.0 (>= 16.9.31023.347) - restriction: || (== net472) (&& (== net50) (>= net472))
      Microsoft.VisualStudio.TextManager.Interop (>= 16.9.31023.347) - restriction: || (== net472) (&& (== net50) (>= net472))
    Microsoft.VisualStudio.Shell.Embeddable (16.9.31023.347)
      Microsoft.ServiceHub.Framework (>= 2.7.345)
      Microsoft.VisualStudio.Imaging.Interop.14.0.DesignTime (>= 14.3.26931)
    Microsoft.VisualStudio.Shell.Framework (16.9.31024.71)
      Microsoft.Build.Framework (>= 16.5) - restriction: || (== net472) (&& (== net50) (>= net472))
      Microsoft.VisualStudio.GraphModel (>= 16.9.31023.347) - restriction: || (== net472) (&& (== net50) (>= net472))
      Microsoft.VisualStudio.Imaging.Interop.14.0.DesignTime (>= 16.9.31023.347) - restriction: || (== net472) (&& (== net50) (>= net472))
      Microsoft.VisualStudio.OLE.Interop (>= 16.9.31023.347) - restriction: || (== net472) (&& (== net50) (>= net472))
      Microsoft.VisualStudio.SDK.Analyzers (>= 16.7.9) - restriction: || (== net472) (&& (== net50) (>= net472))
      Microsoft.VisualStudio.Shell.Interop (>= 16.9.31023.347) - restriction: || (== net472) (&& (== net50) (>= net472))
      Microsoft.VisualStudio.Shell.Interop.10.0 (>= 16.9.31023.347) - restriction: || (== net472) (&& (== net50) (>= net472))
      Microsoft.VisualStudio.Shell.Interop.11.0 (>= 16.9.31023.347) - restriction: || (== net472) (&& (== net50) (>= net472))
      Microsoft.VisualStudio.Shell.Interop.12.0 (>= 16.9.31023.347) - restriction: || (== net472) (&& (== net50) (>= net472))
      Microsoft.VisualStudio.Shell.Interop.12.1.DesignTime (>= 16.9.31023.347) - restriction: || (== net472) (&& (== net50) (>= net472))
      Microsoft.VisualStudio.Shell.Interop.14.0.DesignTime (>= 16.9.31023.347) - restriction: || (== net472) (&& (== net50) (>= net472))
      Microsoft.VisualStudio.Shell.Interop.15.0.DesignTime (>= 16.9.31023.347) - restriction: || (== net472) (&& (== net50) (>= net472))
      Microsoft.VisualStudio.Shell.Interop.15.3.DesignTime (>= 16.9.31023.347) - restriction: || (== net472) (&& (== net50) (>= net472))
      Microsoft.VisualStudio.Shell.Interop.15.6.DesignTime (>= 16.9.31023.347) - restriction: || (== net472) (&& (== net50) (>= net472))
      Microsoft.VisualStudio.Shell.Interop.15.7.DesignTime (>= 16.9.31023.347) - restriction: || (== net472) (&& (== net50) (>= net472))
      Microsoft.VisualStudio.Shell.Interop.16.0.DesignTime (>= 16.9.31024.71) - restriction: || (== net472) (&& (== net50) (>= net472))
      Microsoft.VisualStudio.Shell.Interop.16.5.DesignTime (>= 16.9.31024.71) - restriction: || (== net472) (&& (== net50) (>= net472))
      Microsoft.VisualStudio.Shell.Interop.8.0 (>= 16.9.31023.347) - restriction: || (== net472) (&& (== net50) (>= net472))
      Microsoft.VisualStudio.Shell.Interop.9.0 (>= 16.9.31023.347) - restriction: || (== net472) (&& (== net50) (>= net472))
      Microsoft.VisualStudio.Telemetry (>= 16.3.104) - restriction: || (== net472) (&& (== net50) (>= net472))
      Microsoft.VisualStudio.Text.Data (>= 16.9.227) - restriction: || (== net472) (&& (== net50) (>= net472))
      Microsoft.VisualStudio.TextManager.Interop (>= 16.9.31023.347) - restriction: || (== net472) (&& (== net50) (>= net472))
      Microsoft.VisualStudio.TextManager.Interop.8.0 (>= 16.9.31023.347) - restriction: || (== net472) (&& (== net50) (>= net472))
      Microsoft.VisualStudio.Threading (>= 16.9.54) - restriction: || (== net472) (&& (== net50) (>= net472))
      Microsoft.VisualStudio.Utilities (>= 16.9.31024.71) - restriction: || (== net472) (&& (== net50) (>= net472))
      Newtonsoft.Json (>= 12.0.2) - restriction: || (== net472) (&& (== net50) (>= net472))
      System.ComponentModel.Composition (>= 4.5) - restriction: || (== net472) (&& (== net50) (>= net472))
      System.Threading.Tasks.Dataflow (>= 5.0) - restriction: || (== net472) (&& (== net50) (>= net472))
      System.Threading.Tasks.Extensions (>= 4.5.4) - restriction: || (== net472) (&& (== net50) (>= net472))
    Microsoft.VisualStudio.Shell.Interop (16.9.31023.347)
      Microsoft.VisualStudio.SDK.EmbedInteropTypes (>= 15.0.34)
      Microsoft.VisualStudio.TextManager.Interop (>= 16.9.31023.347)
    Microsoft.VisualStudio.Shell.Interop.10.0 (16.9.31023.347) - restriction: || (== net472) (&& (== net50) (>= net472))
      Microsoft.VisualStudio.SDK.EmbedInteropTypes (>= 15.0.34)
      Microsoft.VisualStudio.Shell.Interop.8.0 (>= 16.9.31023.347)
    Microsoft.VisualStudio.Shell.Interop.11.0 (16.9.31023.347) - restriction: || (== net472) (&& (== net50) (>= net472))
      Microsoft.VisualStudio.SDK.EmbedInteropTypes (>= 15.0.34)
      Microsoft.VisualStudio.Shell.Interop.10.0 (>= 16.9.31023.347)
    Microsoft.VisualStudio.Shell.Interop.12.0 (16.9.31023.347)
      Microsoft.VisualStudio.SDK.EmbedInteropTypes (>= 15.0.34)
      Microsoft.VisualStudio.Shell.Interop.11.0 (>= 16.9.31023.347)
    Microsoft.VisualStudio.Shell.Interop.12.1.DesignTime (16.9.31023.347) - restriction: || (== net472) (&& (== net50) (>= net472))
      Microsoft.VisualStudio.SDK.EmbedInteropTypes (>= 15.0.34)
      Microsoft.VisualStudio.Shell.Interop.12.0 (>= 16.9.31023.347)
    Microsoft.VisualStudio.Shell.Interop.14.0.DesignTime (16.9.31023.347) - restriction: || (== net472) (&& (== net50) (>= net472))
      Microsoft.VisualStudio.Imaging.Interop.14.0.DesignTime (>= 16.9.31023.347)
      Microsoft.VisualStudio.SDK.EmbedInteropTypes (>= 15.0.34)
      Microsoft.VisualStudio.Shell.Interop.12.0 (>= 16.9.31023.347)
    Microsoft.VisualStudio.Shell.Interop.15.0.DesignTime (16.9.31023.347) - restriction: || (== net472) (&& (== net50) (>= net472))
      Microsoft.VisualStudio.SDK.EmbedInteropTypes (>= 15.0.34)
      Microsoft.VisualStudio.Shell.Interop.12.0 (>= 16.9.31023.347)
    Microsoft.VisualStudio.Shell.Interop.15.1.DesignTime (16.9.31023.347)
      Microsoft.VisualStudio.SDK.EmbedInteropTypes (>= 15.0.34)
    Microsoft.VisualStudio.Shell.Interop.15.3.DesignTime (16.9.31023.347) - restriction: || (== net472) (&& (== net50) (>= net472))
      Microsoft.VisualStudio.SDK.EmbedInteropTypes (>= 15.0.34)
      Microsoft.VisualStudio.Shell.Interop.11.0 (>= 16.9.31023.347)
    Microsoft.VisualStudio.Shell.Interop.15.5.DesignTime (16.9.31023.347)
      Microsoft.VisualStudio.SDK.EmbedInteropTypes (>= 15.0.34)
      Microsoft.VisualStudio.Shell.Interop.12.0 (>= 16.9.31023.347)
    Microsoft.VisualStudio.Shell.Interop.15.6.DesignTime (16.9.31023.347) - restriction: || (== net472) (&& (== net50) (>= net472))
      Microsoft.VisualStudio.SDK.EmbedInteropTypes (>= 15.0.34)
      Microsoft.VisualStudio.Shell.Interop.11.0 (>= 16.9.31023.347)
    Microsoft.VisualStudio.Shell.Interop.15.7.DesignTime (16.9.31023.347)
      Microsoft.VisualStudio.SDK.EmbedInteropTypes (>= 15.0.34)
      Microsoft.VisualStudio.Shell.Interop.15.0.DesignTime (>= 16.9.31023.347)
    Microsoft.VisualStudio.Shell.Interop.15.8.DesignTime (16.9.31023.347)
      Microsoft.VisualStudio.SDK.EmbedInteropTypes (>= 15.0.34)
      Microsoft.VisualStudio.Shell.Interop.15.7.DesignTime (>= 16.9.31023.347)
    Microsoft.VisualStudio.Shell.Interop.16.0.DesignTime (16.9.31024.71) - restriction: || (== net472) (&& (== net50) (>= net472))
      Microsoft.VisualStudio.OLE.Interop (>= 16.9.31023.347)
      Microsoft.VisualStudio.SDK.EmbedInteropTypes (>= 15.0.34)
      Microsoft.VisualStudio.Shell.Interop (>= 16.9.31023.347)
      Microsoft.VisualStudio.Shell.Interop.11.0 (>= 16.9.31023.347)
    Microsoft.VisualStudio.Shell.Interop.16.1.DesignTime (16.9.31024.71) - restriction: || (== net472) (&& (== net50) (>= net472))
      Microsoft.VisualStudio.SDK.EmbedInteropTypes (>= 15.0.34)
      Microsoft.VisualStudio.Shell.Interop.16.0.DesignTime (>= 16.9.31024.71)
    Microsoft.VisualStudio.Shell.Interop.16.2.DesignTime (16.9.31024.71) - restriction: || (== net472) (&& (== net50) (>= net472))
      Microsoft.VisualStudio.SDK.EmbedInteropTypes (>= 15.0.34)
      Microsoft.VisualStudio.Shell.Interop.16.1.DesignTime (>= 16.9.31024.71)
    Microsoft.VisualStudio.Shell.Interop.16.3.DesignTime (16.9.31024.71) - restriction: || (== net472) (&& (== net50) (>= net472))
      Microsoft.VisualStudio.SDK.EmbedInteropTypes (>= 15.0.34)
      Microsoft.VisualStudio.Shell.Interop.12.0 (>= 16.9.31023.347)
      Microsoft.VisualStudio.Shell.Interop.16.2.DesignTime (>= 16.9.31024.71)
    Microsoft.VisualStudio.Shell.Interop.16.4.DesignTime (16.9.31024.71) - restriction: || (== net472) (&& (== net50) (>= net472))
      Microsoft.VisualStudio.SDK.EmbedInteropTypes (>= 15.0.34)
      Microsoft.VisualStudio.Shell.Interop (>= 16.9.31023.347)
      Microsoft.VisualStudio.Shell.Interop.14.0.DesignTime (>= 16.9.31023.347)
      Microsoft.VisualStudio.Shell.Interop.16.3.DesignTime (>= 16.9.31024.71)
    Microsoft.VisualStudio.Shell.Interop.16.5.DesignTime (16.9.31024.71) - restriction: || (== net472) (&& (== net50) (>= net472))
      Microsoft.VisualStudio.SDK.EmbedInteropTypes (>= 15.0.34)
      Microsoft.VisualStudio.Shell.Interop.11.0 (>= 16.9.31023.347)
      Microsoft.VisualStudio.Shell.Interop.16.4.DesignTime (>= 16.9.31024.71)
    Microsoft.VisualStudio.Shell.Interop.8.0 (16.9.31023.347) - restriction: || (== net472) (&& (== net50) (>= net472))
      Microsoft.VisualStudio.SDK.EmbedInteropTypes (>= 15.0.34)
      Microsoft.VisualStudio.TextManager.Interop.8.0 (>= 16.9.31023.347)
    Microsoft.VisualStudio.Shell.Interop.9.0 (16.9.31023.347) - restriction: || (== net472) (&& (== net50) (>= net472))
      Microsoft.VisualStudio.SDK.EmbedInteropTypes (>= 15.0.34)
      Microsoft.VisualStudio.Shell.Interop.8.0 (>= 16.9.31023.347)
    Microsoft.VisualStudio.TaskRunnerExplorer.14.0 (14.0)
    Microsoft.VisualStudio.Telemetry (16.3.110) - restriction: || (== net472) (&& (== net50) (>= net472))
      Microsoft.Diagnostics.Tracing.EventSource.Redist (>= 1.1.28) - restriction: || (== net472) (&& (== net50) (>= net45))
      Microsoft.VisualStudio.RemoteControl (>= 16.3.32)
      Microsoft.VisualStudio.Utilities.Internal (>= 16.3.23)
      Newtonsoft.Json (>= 9.0.1)
    Microsoft.VisualStudio.Text.Data (16.9.227)
      Microsoft.VisualStudio.CoreUtility (>= 16.9.227)
      Microsoft.VisualStudio.Threading (>= 16.9.51)
    Microsoft.VisualStudio.Text.Logic (16.9.227)
      Microsoft.VisualStudio.CoreUtility (>= 16.9.227)
      Microsoft.VisualStudio.Text.Data (>= 16.9.227)
      System.Collections.Immutable (>= 5.0)
      System.ComponentModel.Composition (>= 4.5)
    Microsoft.VisualStudio.Text.UI (16.9.227)
      Microsoft.VisualStudio.CoreUtility (>= 16.9.227)
      Microsoft.VisualStudio.Text.Data (>= 16.9.227)
      Microsoft.VisualStudio.Text.Logic (>= 16.9.227)
      System.ComponentModel.Composition (>= 4.5)
    Microsoft.VisualStudio.Text.UI.Wpf (16.9.227) - restriction: || (== net472) (&& (== net50) (>= net472))
      Microsoft.VisualStudio.CoreUtility (>= 16.9.227) - restriction: || (== net472) (&& (== net50) (>= net472))
      Microsoft.VisualStudio.Imaging.Interop.14.0.DesignTime (>= 16.9.30921.310) - restriction: || (== net472) (&& (== net50) (>= net472))
      Microsoft.VisualStudio.Text.Data (>= 16.9.227) - restriction: || (== net472) (&& (== net50) (>= net472))
      Microsoft.VisualStudio.Text.Logic (>= 16.9.227) - restriction: || (== net472) (&& (== net50) (>= net472))
      Microsoft.VisualStudio.Text.UI (>= 16.9.227) - restriction: || (== net472) (&& (== net50) (>= net472))
    Microsoft.VisualStudio.TextManager.Interop (16.9.31023.347)
      Microsoft.VisualStudio.OLE.Interop (>= 16.9.31023.347)
      Microsoft.VisualStudio.SDK.EmbedInteropTypes (>= 15.0.34)
    Microsoft.VisualStudio.TextManager.Interop.12.1.DesignTime (16.9.31023.347)
      Microsoft.VisualStudio.SDK.EmbedInteropTypes (>= 15.0.34)
    Microsoft.VisualStudio.TextManager.Interop.8.0 (16.9.31023.347) - restriction: || (== net472) (&& (== net50) (>= net472))
      Microsoft.VisualStudio.SDK.EmbedInteropTypes (>= 15.0.34)
      Microsoft.VisualStudio.Shell.Interop (>= 16.9.31023.347)
    Microsoft.VisualStudio.TextTemplating.15.0 (16.9.31025.194)
      Microsoft.VisualStudio.TextTemplating.Interfaces.11.0 (>= 11.0.50728)
    Microsoft.VisualStudio.TextTemplating.Interfaces.10.0 (10.0.30320)
    Microsoft.VisualStudio.TextTemplating.Interfaces.11.0 (11.0.50728)
      Microsoft.VisualStudio.TextTemplating.Interfaces.10.0 (>= 10.0.30320)
    Microsoft.VisualStudio.TextTemplating.Interfaces.15.0 (16.9.31025.104)
    Microsoft.VisualStudio.TextTemplating.VSHost.15.0 (16.9.31025.194)
      Microsoft.VisualStudio.Shell.Framework (>= 16.9.31024.71)
      Microsoft.VisualStudio.TextTemplating.15.0 (>= 16.9.31025.194)
    Microsoft.VisualStudio.Threading (16.9.60)
      Microsoft.Bcl.AsyncInterfaces (>= 5.0)
      Microsoft.VisualStudio.Threading.Analyzers (>= 16.9.60)
      Microsoft.VisualStudio.Validation (>= 16.8.33)
      Microsoft.Win32.Registry (>= 5.0)
      System.Threading.Tasks.Extensions (>= 4.5.4)
    Microsoft.VisualStudio.Threading.Analyzers (16.9.60)
    Microsoft.VisualStudio.Utilities (16.9.31024.71) - restriction: || (== net472) (&& (== net50) (>= net472))
      Microsoft.ServiceHub.Client (>= 2.7.345)
      Microsoft.VisualStudio.RpcContracts (>= 16.9.65)
      Microsoft.VisualStudio.Shell.Embeddable (>= 16.9.31023.347)
      Microsoft.VisualStudio.Telemetry (>= 16.3.104)
      System.ComponentModel.Composition (>= 4.5)
      System.Threading.AccessControl (>= 4.7)
      System.Threading.Tasks.Dataflow (>= 5.0)
    Microsoft.VisualStudio.Utilities.Internal (16.3.23) - restriction: || (== net472) (&& (== net50) (>= net472))
    Microsoft.VisualStudio.Validation (16.9.32)
    Microsoft.VisualStudio.Web.BrowserLink.12.0 (12.0)
    Microsoft.VisualStudio.Workspace (16.3.43) - restriction: || (== net472) (&& (== net50) (>= net46))
      Microsoft.VisualStudio.Composition (>= 15.8.117)
      Microsoft.VisualStudio.Threading (>= 15.8.132)
      Microsoft.VisualStudio.Threading.Analyzers (>= 15.8.132)
      System.Collections.Immutable (>= 1.5)
    Microsoft.VisualStudio.Workspace.Extensions (16.3.43) - restriction: || (== net472) (&& (== net50) (>= net46))
      Microsoft.Build (>= 15.8.166)
      Microsoft.VisualStudio.Threading (>= 15.8.132)
      Microsoft.VisualStudio.Threading.Analyzers (>= 15.8.132)
      Microsoft.VisualStudio.Workspace (>= 16.3.43)
    Microsoft.VisualStudio.Workspace.VSIntegration (16.3.43)
      Microsoft.VisualStudio.Threading.Analyzers (>= 15.8.132) - restriction: || (== net472) (&& (== net50) (>= net46))
      Microsoft.VisualStudio.Workspace (>= 16.3.43) - restriction: || (== net472) (&& (== net50) (>= net46))
      Microsoft.VisualStudio.Workspace.Extensions (>= 16.3.43) - restriction: || (== net472) (&& (== net50) (>= net46))
    Microsoft.VSSDK.BuildTools (16.9.2016)
      Microsoft.VisualStudio.SDK.Analyzers (>= 15.8.33) - restriction: || (== net472) (&& (== net50) (>= net46))
    Microsoft.Win32.Primitives (4.3)
      Microsoft.NETCore.Platforms (>= 1.1) - restriction: || (&& (== net472) (< net46)) (== net50)
      Microsoft.NETCore.Targets (>= 1.1) - restriction: || (&& (== net472) (< net46)) (== net50)
      System.Runtime (>= 4.3) - restriction: || (&& (== net472) (< net46)) (== net50)
    Microsoft.Win32.Registry (5.0)
      System.Security.AccessControl (>= 5.0)
      System.Security.Principal.Windows (>= 5.0)
    Nerdbank.Streams (2.6.81)
      Microsoft.Bcl.AsyncInterfaces (>= 1.1.1)
      Microsoft.VisualStudio.Threading (>= 16.7.56)
      Microsoft.VisualStudio.Validation (>= 15.5.31)
      System.IO.Pipelines (>= 4.7.2)
      System.Net.WebSockets (>= 4.3)
      System.Runtime.CompilerServices.Unsafe (>= 4.7.1)
    NETStandard.Library (2.0.3)
      Microsoft.NETCore.Platforms (>= 1.1)
    Newtonsoft.Json (13.0.1)
    NuGet.Frameworks (5.9.1) - restriction: || (&& (== net472) (>= netcoreapp1.0)) (== net50)
    NUnit (3.13.1)
      NETStandard.Library (>= 2.0) - restriction: || (&& (== net472) (< net35)) (== net50)
    NUnit3TestAdapter (3.17)
      Microsoft.DotNet.InternalAbstractions (>= 1.0) - restriction: || (&& (== net472) (>= netcoreapp2.1)) (== net50)
      System.ComponentModel.EventBasedAsync (>= 4.3) - restriction: || (&& (== net472) (>= netcoreapp2.1)) (== net50)
      System.ComponentModel.TypeConverter (>= 4.3) - restriction: || (&& (== net472) (>= netcoreapp2.1)) (== net50)
      System.Diagnostics.Process (>= 4.3) - restriction: || (&& (== net472) (>= netcoreapp2.1)) (== net50)
      System.Reflection (>= 4.3) - restriction: || (&& (== net472) (>= netcoreapp2.1)) (== net50)
      System.Runtime.InteropServices.RuntimeInformation (>= 4.3) - restriction: || (&& (== net472) (>= netcoreapp2.1)) (== net50)
      System.Threading.Thread (>= 4.3) - restriction: || (&& (== net472) (>= netcoreapp2.1)) (== net50)
      System.Xml.XmlDocument (>= 4.3) - restriction: || (&& (== net472) (>= netcoreapp2.1)) (== net50)
      System.Xml.XPath.XmlDocument (>= 4.3) - restriction: || (&& (== net472) (>= netcoreapp2.1)) (== net50)
    runtime.debian.8-x64.runtime.native.System.Security.Cryptography.OpenSsl (4.3.3) - restriction: || (&& (== net472) (< net45)) (== net50)
    runtime.debian.9-x64.runtime.native.System.Security.Cryptography.OpenSsl (4.3.3) - restriction: || (&& (== net472) (< net45)) (== net50)
    runtime.fedora.23-x64.runtime.native.System.Security.Cryptography.OpenSsl (4.3.3) - restriction: || (&& (== net472) (< net45)) (== net50)
    runtime.fedora.24-x64.runtime.native.System.Security.Cryptography.OpenSsl (4.3.3) - restriction: || (&& (== net472) (< net45)) (== net50)
    runtime.fedora.27-x64.runtime.native.System.Security.Cryptography.OpenSsl (4.3.3) - restriction: || (&& (== net472) (< net45)) (== net50)
    runtime.fedora.28-x64.runtime.native.System.Security.Cryptography.OpenSsl (4.3.3) - restriction: || (&& (== net472) (< net45)) (== net50)
    runtime.native.System (4.3.1) - restriction: || (&& (== net472) (>= netcoreapp2.1)) (== net50)
      Microsoft.NETCore.Platforms (>= 1.1.1)
      Microsoft.NETCore.Targets (>= 1.1.3)
    runtime.native.System.Net.Http (4.3.1) - restriction: || (&& (== net472) (< net45)) (== net50)
      Microsoft.NETCore.Platforms (>= 1.1.1)
      Microsoft.NETCore.Targets (>= 1.1.3)
    runtime.native.System.Security.Cryptography.Apple (4.3.1) - restriction: || (&& (== net472) (< net45)) (== net50)
      runtime.osx.10.10-x64.runtime.native.System.Security.Cryptography.Apple (>= 4.3.1)
    runtime.native.System.Security.Cryptography.OpenSsl (4.3.3) - restriction: || (&& (== net472) (< net45)) (== net50)
      runtime.debian.8-x64.runtime.native.System.Security.Cryptography.OpenSsl (>= 4.3.3)
      runtime.debian.9-x64.runtime.native.System.Security.Cryptography.OpenSsl (>= 4.3.3)
      runtime.fedora.23-x64.runtime.native.System.Security.Cryptography.OpenSsl (>= 4.3.3)
      runtime.fedora.24-x64.runtime.native.System.Security.Cryptography.OpenSsl (>= 4.3.3)
      runtime.fedora.27-x64.runtime.native.System.Security.Cryptography.OpenSsl (>= 4.3.3)
      runtime.fedora.28-x64.runtime.native.System.Security.Cryptography.OpenSsl (>= 4.3.3)
      runtime.opensuse.13.2-x64.runtime.native.System.Security.Cryptography.OpenSsl (>= 4.3.3)
      runtime.opensuse.42.1-x64.runtime.native.System.Security.Cryptography.OpenSsl (>= 4.3.3)
      runtime.opensuse.42.3-x64.runtime.native.System.Security.Cryptography.OpenSsl (>= 4.3.3)
      runtime.osx.10.10-x64.runtime.native.System.Security.Cryptography.OpenSsl (>= 4.3.3)
      runtime.rhel.7-x64.runtime.native.System.Security.Cryptography.OpenSsl (>= 4.3.3)
      runtime.ubuntu.14.04-x64.runtime.native.System.Security.Cryptography.OpenSsl (>= 4.3.3)
      runtime.ubuntu.16.04-x64.runtime.native.System.Security.Cryptography.OpenSsl (>= 4.3.3)
      runtime.ubuntu.16.10-x64.runtime.native.System.Security.Cryptography.OpenSsl (>= 4.3.3)
      runtime.ubuntu.18.04-x64.runtime.native.System.Security.Cryptography.OpenSsl (>= 4.3.3)
    runtime.opensuse.13.2-x64.runtime.native.System.Security.Cryptography.OpenSsl (4.3.3) - restriction: || (&& (== net472) (< net45)) (== net50)
    runtime.opensuse.42.1-x64.runtime.native.System.Security.Cryptography.OpenSsl (4.3.3) - restriction: || (&& (== net472) (< net45)) (== net50)
    runtime.opensuse.42.3-x64.runtime.native.System.Security.Cryptography.OpenSsl (4.3.3) - restriction: || (&& (== net472) (< net45)) (== net50)
    runtime.osx.10.10-x64.runtime.native.System.Security.Cryptography.Apple (4.3.1) - restriction: || (&& (== net472) (< net45)) (== net50)
    runtime.osx.10.10-x64.runtime.native.System.Security.Cryptography.OpenSsl (4.3.3) - restriction: || (&& (== net472) (< net45)) (== net50)
    runtime.rhel.7-x64.runtime.native.System.Security.Cryptography.OpenSsl (4.3.3) - restriction: || (&& (== net472) (< net45)) (== net50)
    runtime.ubuntu.14.04-x64.runtime.native.System.Security.Cryptography.OpenSsl (4.3.3) - restriction: || (&& (== net472) (< net45)) (== net50)
    runtime.ubuntu.16.04-x64.runtime.native.System.Security.Cryptography.OpenSsl (4.3.3) - restriction: || (&& (== net472) (< net45)) (== net50)
    runtime.ubuntu.16.10-x64.runtime.native.System.Security.Cryptography.OpenSsl (4.3.3) - restriction: || (&& (== net472) (< net45)) (== net50)
    runtime.ubuntu.18.04-x64.runtime.native.System.Security.Cryptography.OpenSsl (4.3.3) - restriction: || (&& (== net472) (< net45)) (== net50)
    stdole (16.9.31023.347)
      Microsoft.VisualStudio.SDK.EmbedInteropTypes (>= 15.0.34)
    StreamJsonRpc (2.7.76)
      MessagePack (>= 2.2.85)
      Microsoft.Bcl.AsyncInterfaces (>= 5.0)
      Microsoft.VisualStudio.Threading (>= 16.8.55)
      Nerdbank.Streams (>= 2.6.81)
      Newtonsoft.Json (>= 12.0.2)
      System.Collections.Immutable (>= 5.0)
      System.Diagnostics.DiagnosticSource (>= 5.0)
      System.IO.Pipelines (>= 5.0.1)
      System.Memory (>= 4.5.4)
      System.Net.Http (>= 4.3.4)
      System.Net.WebSockets (>= 4.3)
      System.Reflection.Emit (>= 4.7)
      System.Threading.Tasks.Dataflow (>= 5.0)
      System.Threading.Tasks.Extensions (>= 4.5.4)
    System.AppContext (4.3) - restriction: || (&& (== net472) (>= netcoreapp2.1)) (== net50)
      System.Runtime (>= 4.3) - restriction: || (&& (== net472) (< net46)) (== net50)
    System.Buffers (4.5.1) - restriction: || (== net472) (&& (== net50) (>= monotouch)) (&& (== net50) (>= net461)) (&& (== net50) (< netcoreapp2.0)) (&& (== net50) (< netstandard2.0)) (&& (== net50) (>= xamarinios)) (&& (== net50) (>= xamarinmac)) (&& (== net50) (>= xamarintvos)) (&& (== net50) (>= xamarinwatchos))
    System.Collections (4.3) - restriction: || (&& (== net472) (>= netcoreapp2.1)) (== net50)
      Microsoft.NETCore.Platforms (>= 1.1) - restriction: || (&& (== net472) (< net45)) (== net50)
      Microsoft.NETCore.Targets (>= 1.1) - restriction: || (&& (== net472) (< net45)) (== net50)
      System.Runtime (>= 4.3) - restriction: || (&& (== net472) (< net45)) (== net50)
    System.Collections.Concurrent (4.3) - restriction: || (&& (== net472) (< net45)) (== net50)
      System.Collections (>= 4.3) - restriction: || (&& (== net472) (< net45)) (== net50)
      System.Diagnostics.Debug (>= 4.3) - restriction: || (&& (== net472) (< net45)) (== net50)
      System.Diagnostics.Tracing (>= 4.3) - restriction: || (&& (== net472) (< net45)) (== net50)
      System.Globalization (>= 4.3) - restriction: || (&& (== net472) (< net45)) (== net50)
      System.Reflection (>= 4.3) - restriction: || (&& (== net472) (< net45)) (== net50)
      System.Resources.ResourceManager (>= 4.3) - restriction: || (&& (== net472) (< net45)) (== net50)
      System.Runtime (>= 4.3) - restriction: || (&& (== net472) (< net45)) (== net50)
      System.Runtime.Extensions (>= 4.3) - restriction: || (&& (== net472) (< net45)) (== net50)
      System.Threading (>= 4.3) - restriction: || (&& (== net472) (< net45)) (== net50)
      System.Threading.Tasks (>= 4.3) - restriction: || (&& (== net472) (< net45)) (== net50)
    System.Collections.Immutable (5.0)
      System.Memory (>= 4.5.4) - restriction: || (== net472) (&& (== net50) (>= net461)) (&& (== net50) (< netcoreapp2.1)) (&& (== net50) (< netstandard2.0)) (&& (== net50) (>= uap10.1))
    System.Collections.NonGeneric (4.3) - restriction: || (&& (== net472) (>= netcoreapp2.1)) (== net50)
      System.Diagnostics.Debug (>= 4.3) - restriction: || (&& (== net472) (< net46)) (== net50)
      System.Globalization (>= 4.3) - restriction: || (&& (== net472) (< net46)) (== net50)
      System.Resources.ResourceManager (>= 4.3) - restriction: || (&& (== net472) (< net46)) (== net50)
      System.Runtime (>= 4.3) - restriction: || (&& (== net472) (< net46)) (== net50)
      System.Runtime.Extensions (>= 4.3) - restriction: || (&& (== net472) (< net46)) (== net50)
      System.Threading (>= 4.3) - restriction: || (&& (== net472) (< net46)) (== net50)
    System.Collections.Specialized (4.3) - restriction: || (&& (== net472) (>= netcoreapp2.1)) (== net50)
      System.Collections.NonGeneric (>= 4.3) - restriction: || (&& (== net472) (< net46)) (== net50)
      System.Globalization (>= 4.3) - restriction: || (&& (== net472) (< net46)) (== net50)
      System.Globalization.Extensions (>= 4.3) - restriction: || (&& (== net472) (< net46)) (== net50)
      System.Resources.ResourceManager (>= 4.3) - restriction: || (&& (== net472) (< net46)) (== net50)
      System.Runtime (>= 4.3) - restriction: || (&& (== net472) (< net46)) (== net50)
      System.Runtime.Extensions (>= 4.3) - restriction: || (&& (== net472) (< net46)) (== net50)
      System.Threading (>= 4.3) - restriction: || (&& (== net472) (< net46)) (== net50)
    System.ComponentModel (4.3) - restriction: || (&& (== net472) (>= netcoreapp2.1)) (== net50)
      System.Runtime (>= 4.3) - restriction: || (&& (== net472) (< net45)) (== net50)
    System.ComponentModel.Composition (5.0)
    System.ComponentModel.EventBasedAsync (4.3) - restriction: || (&& (== net472) (>= netcoreapp2.1)) (== net50)
      System.Resources.ResourceManager (>= 4.3) - restriction: || (&& (== net472) (< net45)) (== net50)
      System.Runtime (>= 4.3) - restriction: || (&& (== net472) (< net45)) (== net50)
      System.Threading (>= 4.3) - restriction: || (&& (== net472) (< net45)) (== net50)
      System.Threading.Tasks (>= 4.3) - restriction: || (&& (== net472) (< net45)) (== net50)
    System.ComponentModel.Primitives (4.3) - restriction: || (&& (== net472) (>= netcoreapp2.1)) (== net50)
      System.ComponentModel (>= 4.3) - restriction: || (&& (== net472) (< net45)) (== net50)
      System.Resources.ResourceManager (>= 4.3) - restriction: || (&& (== net472) (< net45)) (== net50)
      System.Runtime (>= 4.3) - restriction: || (&& (== net472) (< net45)) (== net50)
    System.ComponentModel.TypeConverter (4.3) - restriction: || (&& (== net472) (>= netcoreapp2.1)) (== net50)
      System.Collections (>= 4.3) - restriction: || (&& (== net472) (< net45)) (== net50)
      System.Collections.NonGeneric (>= 4.3)
      System.Collections.Specialized (>= 4.3) - restriction: || (&& (== net472) (< net45)) (== net50)
      System.ComponentModel (>= 4.3) - restriction: || (&& (== net472) (< net45)) (== net50)
      System.ComponentModel.Primitives (>= 4.3)
      System.Globalization (>= 4.3) - restriction: || (&& (== net472) (< net45)) (== net50)
      System.Linq (>= 4.3) - restriction: || (&& (== net472) (< net45)) (== net50)
      System.Reflection (>= 4.3) - restriction: || (&& (== net472) (< net45)) (== net50)
      System.Reflection.Extensions (>= 4.3) - restriction: || (&& (== net472) (< net45)) (== net50)
      System.Reflection.Primitives (>= 4.3) - restriction: || (&& (== net472) (< net45)) (== net50)
      System.Reflection.TypeExtensions (>= 4.3) - restriction: || (&& (== net472) (< net45)) (== net50)
      System.Resources.ResourceManager (>= 4.3) - restriction: || (&& (== net472) (< net45)) (== net50)
      System.Runtime (>= 4.3) - restriction: || (&& (== net472) (< net45)) (== net50)
      System.Runtime.Extensions (>= 4.3) - restriction: || (&& (== net472) (< net45)) (== net50)
      System.Threading (>= 4.3) - restriction: || (&& (== net472) (< net45)) (== net50)
    System.Composition (5.0.1) - restriction: || (== net472) (&& (== net50) (>= net46))
      System.Composition.AttributedModel (>= 5.0.1)
      System.Composition.Convention (>= 5.0.1)
      System.Composition.Hosting (>= 5.0.1)
      System.Composition.Runtime (>= 5.0.1)
      System.Composition.TypedParts (>= 5.0.1)
    System.Composition.AttributedModel (5.0.1) - restriction: || (== net472) (&& (== net50) (>= net46))
    System.Composition.Convention (5.0.1) - restriction: || (== net472) (&& (== net50) (>= net46))
      System.Composition.AttributedModel (>= 5.0)
    System.Composition.Hosting (5.0.1) - restriction: || (== net472) (&& (== net50) (>= net46))
      System.Composition.Runtime (>= 5.0)
    System.Composition.Runtime (5.0.1) - restriction: || (== net472) (&& (== net50) (>= net46))
    System.Composition.TypedParts (5.0.1) - restriction: || (== net472) (&& (== net50) (>= net46))
      System.Composition.AttributedModel (>= 5.0)
      System.Composition.Hosting (>= 5.0)
      System.Composition.Runtime (>= 5.0)
    System.Diagnostics.Debug (4.3) - restriction: || (&& (== net472) (>= netcoreapp2.1)) (== net50)
      Microsoft.NETCore.Platforms (>= 1.1) - restriction: || (&& (== net472) (< net45)) (== net50)
      Microsoft.NETCore.Targets (>= 1.1) - restriction: || (&& (== net472) (< net45)) (== net50)
      System.Runtime (>= 4.3) - restriction: || (&& (== net472) (< net45)) (== net50)
    System.Diagnostics.DiagnosticSource (5.0.1)
      System.Memory (>= 4.5.4) - restriction: || (== net472) (&& (== net50) (>= net45) (< netstandard1.3)) (&& (== net50) (>= net46)) (&& (== net50) (< netcoreapp2.1)) (&& (== net50) (< netstandard2.0)) (&& (== net50) (>= uap10.1))
      System.Runtime.CompilerServices.Unsafe (>= 5.0) - restriction: || (== net472) (&& (== net50) (>= monotouch)) (&& (== net50) (>= net45) (< netstandard1.3)) (&& (== net50) (>= net46)) (&& (== net50) (< netcoreapp2.1)) (&& (== net50) (< netcoreapp3.0)) (&& (== net50) (< netstandard2.0)) (&& (== net50) (>= uap10.1))
    System.Diagnostics.Process (4.3) - restriction: || (&& (== net472) (>= netcoreapp2.1)) (== net50)
      Microsoft.NETCore.Platforms (>= 1.1) - restriction: || (&& (== net472) (< net46)) (== net50)
      Microsoft.Win32.Primitives (>= 4.3) - restriction: || (&& (== net472) (< net46)) (== net50)
      Microsoft.Win32.Registry (>= 4.3) - restriction: || (&& (== net472) (< net46)) (== net50)
      runtime.native.System (>= 4.3) - restriction: || (&& (== net472) (< net46)) (== net50)
      System.Collections (>= 4.3) - restriction: || (&& (== net472) (< net46)) (== net50)
      System.Diagnostics.Debug (>= 4.3) - restriction: || (&& (== net472) (< net46)) (== net50)
      System.Globalization (>= 4.3) - restriction: || (&& (== net472) (< net46)) (== net50)
      System.IO (>= 4.3) - restriction: || (&& (== net472) (< net46)) (== net50)
      System.IO.FileSystem (>= 4.3) - restriction: || (&& (== net472) (< net46)) (== net50)
      System.IO.FileSystem.Primitives (>= 4.3) - restriction: || (&& (== net472) (< net46)) (== net50)
      System.Resources.ResourceManager (>= 4.3) - restriction: || (&& (== net472) (< net46)) (== net50)
      System.Runtime (>= 4.3) - restriction: || (&& (== net472) (< net46)) (== net50)
      System.Runtime.Extensions (>= 4.3) - restriction: || (&& (== net472) (< net46)) (== net50)
      System.Runtime.Handles (>= 4.3) - restriction: || (&& (== net472) (< net46)) (== net50)
      System.Runtime.InteropServices (>= 4.3) - restriction: || (&& (== net472) (< net46)) (== net50)
      System.Text.Encoding (>= 4.3) - restriction: || (&& (== net472) (< net46)) (== net50)
      System.Text.Encoding.Extensions (>= 4.3) - restriction: || (&& (== net472) (< net46)) (== net50)
      System.Threading (>= 4.3) - restriction: || (&& (== net472) (< net46)) (== net50)
      System.Threading.Tasks (>= 4.3) - restriction: || (&& (== net472) (< net46)) (== net50)
      System.Threading.Thread (>= 4.3) - restriction: || (&& (== net472) (< net46)) (== net50)
      System.Threading.ThreadPool (>= 4.3) - restriction: || (&& (== net472) (< net46)) (== net50)
    System.Diagnostics.Tracing (4.3) - restriction: || (&& (== net472) (< net45)) (== net50)
      Microsoft.NETCore.Platforms (>= 1.1) - restriction: || (&& (== net472) (< net45)) (== net50)
      Microsoft.NETCore.Targets (>= 1.1) - restriction: || (&& (== net472) (< net45)) (== net50)
      System.Runtime (>= 4.3) - restriction: || (&& (== net472) (< net45)) (== net50)
    System.Formats.Asn1 (5.0) - restriction: || (&& (== net472) (>= netcoreapp3.0)) (== net50)
    System.Globalization (4.3) - restriction: || (&& (== net472) (>= netcoreapp2.1)) (== net50)
      Microsoft.NETCore.Platforms (>= 1.1) - restriction: || (&& (== net472) (< net45)) (== net50)
      Microsoft.NETCore.Targets (>= 1.1) - restriction: || (&& (== net472) (< net45)) (== net50)
      System.Runtime (>= 4.3) - restriction: || (&& (== net472) (< net45)) (== net50)
    System.Globalization.Calendars (4.3) - restriction: || (&& (== net472) (< net46)) (== net50)
      Microsoft.NETCore.Platforms (>= 1.1) - restriction: || (&& (== net472) (< net46)) (== net50)
      Microsoft.NETCore.Targets (>= 1.1) - restriction: || (&& (== net472) (< net46)) (== net50)
      System.Globalization (>= 4.3) - restriction: || (&& (== net472) (< net46)) (== net50)
      System.Runtime (>= 4.3) - restriction: || (&& (== net472) (< net46)) (== net50)
    System.Globalization.Extensions (4.3) - restriction: || (&& (== net472) (< net45)) (== net50)
      Microsoft.NETCore.Platforms (>= 1.1) - restriction: || (&& (== net472) (< net46)) (== net50)
      System.Globalization (>= 4.3) - restriction: || (&& (== net472) (< net46)) (== net50)
      System.Resources.ResourceManager (>= 4.3) - restriction: || (&& (== net472) (< net46)) (== net50)
      System.Runtime (>= 4.3) - restriction: || (&& (== net472) (< net46)) (== net50)
      System.Runtime.Extensions (>= 4.3) - restriction: || (&& (== net472) (< net46)) (== net50)
      System.Runtime.InteropServices (>= 4.3) - restriction: || (&& (== net472) (< net46)) (== net50)
    System.IO (4.3) - restriction: || (&& (== net472) (>= netcoreapp2.1)) (== net50)
      Microsoft.NETCore.Platforms (>= 1.1) - restriction: || (&& (== net472) (< net45)) (== net50)
      Microsoft.NETCore.Targets (>= 1.1) - restriction: || (&& (== net472) (< net45)) (== net50)
      System.Runtime (>= 4.3) - restriction: || (&& (== net472) (< net45)) (== net50)
      System.Text.Encoding (>= 4.3) - restriction: || (&& (== net472) (< net45)) (== net50)
      System.Threading.Tasks (>= 4.3) - restriction: || (&& (== net472) (< net45)) (== net50)
    System.IO.FileSystem (4.3) - restriction: || (&& (== net472) (>= netcoreapp2.1)) (== net50)
      Microsoft.NETCore.Platforms (>= 1.1) - restriction: || (&& (== net472) (< net46)) (== net50)
      Microsoft.NETCore.Targets (>= 1.1) - restriction: || (&& (== net472) (< net46)) (== net50)
      System.IO (>= 4.3) - restriction: || (&& (== net472) (< net46)) (== net50)
      System.IO.FileSystem.Primitives (>= 4.3)
      System.Runtime (>= 4.3) - restriction: || (&& (== net472) (< net46)) (== net50)
      System.Runtime.Handles (>= 4.3) - restriction: || (&& (== net472) (< net46)) (== net50)
      System.Text.Encoding (>= 4.3) - restriction: || (&& (== net472) (< net46)) (== net50)
      System.Threading.Tasks (>= 4.3) - restriction: || (&& (== net472) (< net46)) (== net50)
    System.IO.FileSystem.Primitives (4.3) - restriction: || (&& (== net472) (>= netcoreapp2.1)) (== net50)
      System.Runtime (>= 4.3) - restriction: || (&& (== net472) (< net46)) (== net50)
    System.IO.Pipelines (5.0.1)
      System.Buffers (>= 4.5.1) - restriction: || (== net472) (&& (== net50) (>= monotouch)) (&& (== net50) (>= net461)) (&& (== net50) (< netcoreapp2.0)) (&& (== net50) (< netstandard2.0)) (&& (== net50) (>= xamarinios)) (&& (== net50) (>= xamarinmac)) (&& (== net50) (>= xamarintvos)) (&& (== net50) (>= xamarinwatchos))
      System.Memory (>= 4.5.4) - restriction: || (== net472) (&& (== net50) (>= net461)) (&& (== net50) (< netcoreapp2.0)) (&& (== net50) (< netcoreapp2.1)) (&& (== net50) (< netstandard2.0)) (&& (== net50) (>= uap10.1))
      System.Threading.Tasks.Extensions (>= 4.5.4) - restriction: || (== net472) (&& (== net50) (>= net461)) (&& (== net50) (< netcoreapp2.0)) (&& (== net50) (< netcoreapp2.1)) (&& (== net50) (< netstandard2.0)) (&& (== net50) (>= uap10.1))
    System.Linq (4.3) - restriction: || (&& (== net472) (>= netcoreapp2.1)) (== net50)
      System.Collections (>= 4.3) - restriction: || (&& (== net472) (< net45)) (== net50)
      System.Diagnostics.Debug (>= 4.3) - restriction: || (&& (== net472) (< net45)) (== net50)
      System.Resources.ResourceManager (>= 4.3) - restriction: || (&& (== net472) (< net45)) (== net50)
      System.Runtime (>= 4.3) - restriction: || (&& (== net472) (< net45)) (== net50)
      System.Runtime.Extensions (>= 4.3) - restriction: || (&& (== net472) (< net45)) (== net50)
    System.Memory (4.5.4)
      System.Buffers (>= 4.5.1) - restriction: || (== net472) (&& (== net50) (>= monotouch)) (&& (== net50) (>= net461)) (&& (== net50) (< netcoreapp2.0)) (&& (== net50) (< netstandard1.1)) (&& (== net50) (< netstandard2.0)) (&& (== net50) (>= xamarinios)) (&& (== net50) (>= xamarinmac)) (&& (== net50) (>= xamarintvos)) (&& (== net50) (>= xamarinwatchos))
      System.Numerics.Vectors (>= 4.5) - restriction: || (== net472) (&& (== net50) (>= net461))
      System.Runtime.CompilerServices.Unsafe (>= 4.5.3) - restriction: || (== net472) (&& (== net50) (>= monotouch)) (&& (== net50) (>= net461)) (&& (== net50) (< netcoreapp2.0)) (&& (== net50) (< netcoreapp2.1)) (&& (== net50) (< netstandard1.1)) (&& (== net50) (< netstandard2.0)) (&& (== net50) (>= uap10.1)) (&& (== net50) (>= xamarinios)) (&& (== net50) (>= xamarinmac)) (&& (== net50) (>= xamarintvos)) (&& (== net50) (>= xamarinwatchos))
    System.Net.Http (4.3.4)
      Microsoft.NETCore.Platforms (>= 1.1.1) - restriction: || (&& (== net472) (< net45)) (== net50)
      runtime.native.System (>= 4.3) - restriction: || (&& (== net472) (< net45)) (== net50)
      runtime.native.System.Net.Http (>= 4.3) - restriction: || (&& (== net472) (< net45)) (== net50)
      runtime.native.System.Security.Cryptography.OpenSsl (>= 4.3.2) - restriction: || (&& (== net472) (< net45)) (== net50)
      System.Collections (>= 4.3) - restriction: || (&& (== net472) (< net45)) (== net50)
      System.Diagnostics.Debug (>= 4.3) - restriction: || (&& (== net472) (< net45)) (== net50)
      System.Diagnostics.DiagnosticSource (>= 4.3) - restriction: || (&& (== net472) (< net45)) (== net50)
      System.Diagnostics.Tracing (>= 4.3) - restriction: || (&& (== net472) (< net45)) (== net50)
      System.Globalization (>= 4.3) - restriction: || (&& (== net472) (< net45)) (== net50)
      System.Globalization.Extensions (>= 4.3) - restriction: || (&& (== net472) (< net45)) (== net50)
      System.IO (>= 4.3) - restriction: || (&& (== net472) (< net45)) (== net50)
      System.IO.FileSystem (>= 4.3) - restriction: || (&& (== net472) (< net45)) (== net50)
      System.Net.Primitives (>= 4.3) - restriction: || (&& (== net472) (< net45)) (== net50)
      System.Resources.ResourceManager (>= 4.3) - restriction: || (&& (== net472) (< net45)) (== net50)
      System.Runtime (>= 4.3) - restriction: || (&& (== net472) (< net45)) (== net50)
      System.Runtime.Extensions (>= 4.3) - restriction: || (&& (== net472) (< net45)) (== net50)
      System.Runtime.Handles (>= 4.3) - restriction: || (&& (== net472) (< net45)) (== net50)
      System.Runtime.InteropServices (>= 4.3) - restriction: || (&& (== net472) (< net45)) (== net50)
      System.Security.Cryptography.Algorithms (>= 4.3) - restriction: || (&& (== net472) (< net45)) (== net50)
      System.Security.Cryptography.Encoding (>= 4.3) - restriction: || (&& (== net472) (< net45)) (== net50)
      System.Security.Cryptography.OpenSsl (>= 4.3) - restriction: || (&& (== net472) (< net45)) (== net50)
      System.Security.Cryptography.Primitives (>= 4.3) - restriction: || (&& (== net472) (< net45)) (== net50)
      System.Security.Cryptography.X509Certificates (>= 4.3)
      System.Text.Encoding (>= 4.3) - restriction: || (&& (== net472) (< net45)) (== net50)
      System.Threading (>= 4.3) - restriction: || (&& (== net472) (< net45)) (== net50)
      System.Threading.Tasks (>= 4.3) - restriction: || (&& (== net472) (< net45)) (== net50)
    System.Net.Primitives (4.3.1) - restriction: || (&& (== net472) (< net45)) (== net50)
      Microsoft.NETCore.Platforms (>= 1.1.1) - restriction: || (&& (== net472) (< net45)) (&& (== net472) (< netstandard1.1)) (== net50)
      Microsoft.NETCore.Targets (>= 1.1.3) - restriction: || (&& (== net472) (< net45)) (&& (== net472) (< netstandard1.1)) (== net50)
      System.Runtime (>= 4.3.1) - restriction: || (&& (== net472) (< net45)) (&& (== net472) (< netstandard1.1)) (== net50)
      System.Runtime.Handles (>= 4.3) - restriction: || (&& (== net472) (< net45)) (== net50)
    System.Net.WebSockets (4.3)
      Microsoft.Win32.Primitives (>= 4.3) - restriction: || (&& (== net472) (< net46)) (== net50)
      System.Resources.ResourceManager (>= 4.3) - restriction: || (&& (== net472) (< net46)) (== net50)
      System.Runtime (>= 4.3) - restriction: || (&& (== net472) (< net46)) (== net50)
      System.Threading.Tasks (>= 4.3) - restriction: || (&& (== net472) (< net46)) (== net50)
    System.Numerics.Vectors (4.5) - restriction: || (== net472) (&& (== net50) (>= net461))
    System.Private.Uri (4.3.2)
      Microsoft.NETCore.Platforms (>= 1.1.1)
      Microsoft.NETCore.Targets (>= 1.1.3)
    System.Reflection (4.3) - restriction: || (&& (== net472) (>= netcoreapp2.1)) (== net50)
      Microsoft.NETCore.Platforms (>= 1.1) - restriction: || (&& (== net472) (< net45)) (== net50)
      Microsoft.NETCore.Targets (>= 1.1) - restriction: || (&& (== net472) (< net45)) (== net50)
      System.IO (>= 4.3) - restriction: || (&& (== net472) (< net45)) (== net50)
      System.Reflection.Primitives (>= 4.3) - restriction: || (&& (== net472) (< net45)) (== net50)
      System.Runtime (>= 4.3) - restriction: || (&& (== net472) (< net45)) (== net50)
    System.Reflection.Emit (4.7)
    System.Reflection.Emit.Lightweight (4.7)
    System.Reflection.Extensions (4.3) - restriction: || (&& (== net472) (>= netcoreapp2.1)) (== net50)
      Microsoft.NETCore.Platforms (>= 1.1) - restriction: || (&& (== net472) (< net45)) (== net50)
      Microsoft.NETCore.Targets (>= 1.1) - restriction: || (&& (== net472) (< net45)) (== net50)
      System.Reflection (>= 4.3) - restriction: || (&& (== net472) (< net45)) (== net50)
      System.Runtime (>= 4.3) - restriction: || (&& (== net472) (< net45)) (== net50)
    System.Reflection.Metadata (5.0)
    System.Reflection.Primitives (4.3) - restriction: || (&& (== net472) (>= netcoreapp2.1)) (== net50)
      Microsoft.NETCore.Platforms (>= 1.1) - restriction: || (&& (== net472) (< net45)) (== net50)
      Microsoft.NETCore.Targets (>= 1.1) - restriction: || (&& (== net472) (< net45)) (== net50)
      System.Runtime (>= 4.3) - restriction: || (&& (== net472) (< net45)) (== net50)
    System.Reflection.TypeExtensions (4.7)
    System.Resources.ResourceManager (4.3) - restriction: || (&& (== net472) (>= netcoreapp2.1)) (== net50)
      Microsoft.NETCore.Platforms (>= 1.1) - restriction: || (&& (== net472) (< net45)) (== net50)
      Microsoft.NETCore.Targets (>= 1.1) - restriction: || (&& (== net472) (< net45)) (== net50)
      System.Globalization (>= 4.3) - restriction: || (&& (== net472) (< net45)) (== net50)
      System.Reflection (>= 4.3) - restriction: || (&& (== net472) (< net45)) (== net50)
      System.Runtime (>= 4.3) - restriction: || (&& (== net472) (< net45)) (== net50)
    System.Runtime (4.3.1) - restriction: || (&& (== net472) (< net46)) (&& (== net472) (>= netcoreapp2.1)) (== net50)
      Microsoft.NETCore.Platforms (>= 1.1.1) - restriction: || (&& (== net472) (< net45)) (== net50)
      Microsoft.NETCore.Targets (>= 1.1.3) - restriction: || (&& (== net472) (< net45)) (== net50)
    System.Runtime.CompilerServices.Unsafe (5.0)
    System.Runtime.Extensions (4.3.1) - restriction: || (&& (== net472) (>= netcoreapp2.1)) (== net50)
      Microsoft.NETCore.Platforms (>= 1.1.1) - restriction: || (&& (== net472) (< net45)) (== net50)
      Microsoft.NETCore.Targets (>= 1.1.3) - restriction: || (&& (== net472) (< net45)) (== net50)
      System.Runtime (>= 4.3.1) - restriction: || (&& (== net472) (< net45)) (== net50)
    System.Runtime.Handles (4.3) - restriction: || (&& (== net472) (>= netcoreapp2.1)) (== net50)
      Microsoft.NETCore.Platforms (>= 1.1) - restriction: || (&& (== net472) (< net46)) (== net50)
      Microsoft.NETCore.Targets (>= 1.1) - restriction: || (&& (== net472) (< net46)) (== net50)
      System.Runtime (>= 4.3) - restriction: || (&& (== net472) (< net46)) (== net50)
    System.Runtime.InteropServices (4.3) - restriction: || (&& (== net472) (>= netcoreapp2.1)) (== net50)
      Microsoft.NETCore.Platforms (>= 1.1) - restriction: || (&& (== net472) (< net45)) (&& (== net472) (>= netcoreapp1.1)) (== net50)
      Microsoft.NETCore.Targets (>= 1.1) - restriction: || (&& (== net472) (< net45)) (&& (== net472) (>= netcoreapp1.1)) (== net50)
      System.Reflection (>= 4.3) - restriction: || (&& (== net472) (< net45)) (&& (== net472) (>= netcoreapp1.1)) (== net50)
      System.Reflection.Primitives (>= 4.3) - restriction: || (&& (== net472) (< net45)) (&& (== net472) (>= netcoreapp1.1)) (== net50)
      System.Runtime (>= 4.3)
      System.Runtime.Handles (>= 4.3) - restriction: || (&& (== net472) (< net45)) (&& (== net472) (>= netcoreapp1.1)) (== net50)
    System.Runtime.InteropServices.RuntimeInformation (4.3) - restriction: || (&& (== net472) (>= netcoreapp2.1)) (== net50)
      runtime.native.System (>= 4.3) - restriction: || (&& (== net472) (< net45)) (== net50)
      System.Reflection (>= 4.3) - restriction: || (&& (== net472) (< net45)) (== net50)
      System.Reflection.Extensions (>= 4.3) - restriction: || (&& (== net472) (< net45)) (== net50)
      System.Resources.ResourceManager (>= 4.3) - restriction: || (&& (== net472) (< net45)) (== net50)
      System.Runtime (>= 4.3) - restriction: || (&& (== net472) (< net45)) (== net50)
      System.Runtime.InteropServices (>= 4.3) - restriction: || (&& (== net472) (< net45)) (== net50)
      System.Threading (>= 4.3) - restriction: || (&& (== net472) (< net45)) (== net50)
    System.Runtime.Numerics (4.3) - restriction: || (&& (== net472) (< net45)) (== net50)
      System.Globalization (>= 4.3) - restriction: || (&& (== net472) (< net45)) (== net50)
      System.Resources.ResourceManager (>= 4.3) - restriction: || (&& (== net472) (< net45)) (== net50)
      System.Runtime (>= 4.3) - restriction: || (&& (== net472) (< net45)) (== net50)
      System.Runtime.Extensions (>= 4.3) - restriction: || (&& (== net472) (< net45)) (== net50)
    System.Security.AccessControl (5.0)
      Microsoft.NETCore.Platforms (>= 5.0) - restriction: || (&& (== net472) (>= netcoreapp2.0)) (== net50)
      System.Security.Principal.Windows (>= 5.0)
    System.Security.Cryptography.Algorithms (4.3.1)
      Microsoft.NETCore.Platforms (>= 1.1) - restriction: || (&& (== net472) (< net46)) (== net50)
      runtime.native.System.Security.Cryptography.Apple (>= 4.3.1) - restriction: || (&& (== net472) (< net46)) (== net50)
      runtime.native.System.Security.Cryptography.OpenSsl (>= 4.3.2) - restriction: || (&& (== net472) (< net46)) (== net50)
      System.Collections (>= 4.3) - restriction: || (&& (== net472) (< net46)) (== net50)
      System.IO (>= 4.3)
      System.Resources.ResourceManager (>= 4.3) - restriction: || (&& (== net472) (< net46)) (== net50)
      System.Runtime (>= 4.3)
      System.Runtime.Extensions (>= 4.3) - restriction: || (&& (== net472) (< net46)) (== net50)
      System.Runtime.Handles (>= 4.3) - restriction: || (&& (== net472) (< net46)) (== net50)
      System.Runtime.InteropServices (>= 4.3) - restriction: || (&& (== net472) (< net46)) (== net50)
      System.Runtime.Numerics (>= 4.3) - restriction: || (&& (== net472) (< net46)) (== net50)
      System.Security.Cryptography.Encoding (>= 4.3)
      System.Security.Cryptography.Primitives (>= 4.3)
      System.Text.Encoding (>= 4.3) - restriction: || (&& (== net472) (< net46)) (== net50)
    System.Security.Cryptography.Cng (5.0) - restriction: || (&& (== net472) (< net46)) (== net50)
      System.Formats.Asn1 (>= 5.0) - restriction: || (&& (== net472) (>= netcoreapp3.0)) (== net50)
    System.Security.Cryptography.Csp (4.3) - restriction: || (&& (== net472) (< net46)) (== net50)
      Microsoft.NETCore.Platforms (>= 1.1) - restriction: || (&& (== net472) (< net46)) (== net50)
      System.IO (>= 4.3) - restriction: || (&& (== net472) (< net46)) (== net50)
      System.Reflection (>= 4.3) - restriction: || (&& (== net472) (< net46)) (== net50)
      System.Resources.ResourceManager (>= 4.3) - restriction: || (&& (== net472) (< net46)) (== net50)
      System.Runtime (>= 4.3) - restriction: || (&& (== net472) (< net46)) (== net50)
      System.Runtime.Extensions (>= 4.3) - restriction: || (&& (== net472) (< net46)) (== net50)
      System.Runtime.Handles (>= 4.3) - restriction: || (&& (== net472) (< net46)) (== net50)
      System.Runtime.InteropServices (>= 4.3) - restriction: || (&& (== net472) (< net46)) (== net50)
      System.Security.Cryptography.Algorithms (>= 4.3)
      System.Security.Cryptography.Encoding (>= 4.3) - restriction: || (&& (== net472) (< net46)) (== net50)
      System.Security.Cryptography.Primitives (>= 4.3)
      System.Text.Encoding (>= 4.3) - restriction: || (&& (== net472) (< net46)) (== net50)
      System.Threading (>= 4.3) - restriction: || (&& (== net472) (< net46)) (== net50)
    System.Security.Cryptography.Encoding (4.3)
      Microsoft.NETCore.Platforms (>= 1.1) - restriction: || (&& (== net472) (< net46)) (== net50)
      runtime.native.System.Security.Cryptography.OpenSsl (>= 4.3) - restriction: || (&& (== net472) (< net46)) (== net50)
      System.Collections (>= 4.3) - restriction: || (&& (== net472) (< net46)) (== net50)
      System.Collections.Concurrent (>= 4.3) - restriction: || (&& (== net472) (< net46)) (== net50)
      System.Linq (>= 4.3) - restriction: || (&& (== net472) (< net46)) (== net50)
      System.Resources.ResourceManager (>= 4.3) - restriction: || (&& (== net472) (< net46)) (== net50)
      System.Runtime (>= 4.3) - restriction: || (&& (== net472) (< net46)) (== net50)
      System.Runtime.Extensions (>= 4.3) - restriction: || (&& (== net472) (< net46)) (== net50)
      System.Runtime.Handles (>= 4.3) - restriction: || (&& (== net472) (< net46)) (== net50)
      System.Runtime.InteropServices (>= 4.3) - restriction: || (&& (== net472) (< net46)) (== net50)
      System.Security.Cryptography.Primitives (>= 4.3) - restriction: || (&& (== net472) (< net46)) (== net50)
      System.Text.Encoding (>= 4.3) - restriction: || (&& (== net472) (< net46)) (== net50)
    System.Security.Cryptography.OpenSsl (5.0) - restriction: || (&& (== net472) (< net45)) (== net50)
      System.Formats.Asn1 (>= 5.0) - restriction: || (&& (== net472) (>= netcoreapp3.0)) (== net50)
    System.Security.Cryptography.Primitives (4.3) - restriction: || (&& (== net472) (< net45)) (== net50)
      System.Diagnostics.Debug (>= 4.3) - restriction: || (&& (== net472) (< net46)) (== net50)
      System.Globalization (>= 4.3) - restriction: || (&& (== net472) (< net46)) (== net50)
      System.IO (>= 4.3) - restriction: || (&& (== net472) (< net46)) (== net50)
      System.Resources.ResourceManager (>= 4.3) - restriction: || (&& (== net472) (< net46)) (== net50)
      System.Runtime (>= 4.3) - restriction: || (&& (== net472) (< net46)) (== net50)
      System.Threading (>= 4.3) - restriction: || (&& (== net472) (< net46)) (== net50)
      System.Threading.Tasks (>= 4.3) - restriction: || (&& (== net472) (< net46)) (== net50)
    System.Security.Cryptography.X509Certificates (4.3.2)
      Microsoft.NETCore.Platforms (>= 1.1) - restriction: || (&& (== net472) (< net46)) (== net50)
      runtime.native.System (>= 4.3) - restriction: || (&& (== net472) (< net46)) (== net50)
      runtime.native.System.Net.Http (>= 4.3) - restriction: || (&& (== net472) (< net46)) (== net50)
      runtime.native.System.Security.Cryptography.OpenSsl (>= 4.3.2) - restriction: || (&& (== net472) (< net46)) (== net50)
      System.Collections (>= 4.3) - restriction: || (&& (== net472) (< net46)) (== net50)
      System.Diagnostics.Debug (>= 4.3) - restriction: || (&& (== net472) (< net46)) (== net50)
      System.Globalization (>= 4.3) - restriction: || (&& (== net472) (< net46)) (== net50)
      System.Globalization.Calendars (>= 4.3) - restriction: || (&& (== net472) (< net46)) (== net50)
      System.IO (>= 4.3) - restriction: || (&& (== net472) (< net46)) (== net50)
      System.IO.FileSystem (>= 4.3) - restriction: || (&& (== net472) (< net46)) (== net50)
      System.IO.FileSystem.Primitives (>= 4.3) - restriction: || (&& (== net472) (< net46)) (== net50)
      System.Resources.ResourceManager (>= 4.3) - restriction: || (&& (== net472) (< net46)) (== net50)
      System.Runtime (>= 4.3) - restriction: || (&& (== net472) (< net46)) (== net50)
      System.Runtime.Extensions (>= 4.3) - restriction: || (&& (== net472) (< net46)) (== net50)
      System.Runtime.Handles (>= 4.3) - restriction: || (&& (== net472) (< net46)) (== net50)
      System.Runtime.InteropServices (>= 4.3) - restriction: || (&& (== net472) (< net46)) (== net50)
      System.Runtime.Numerics (>= 4.3) - restriction: || (&& (== net472) (< net46)) (== net50)
      System.Security.Cryptography.Algorithms (>= 4.3)
      System.Security.Cryptography.Cng (>= 4.3) - restriction: || (&& (== net472) (< net46)) (== net50)
      System.Security.Cryptography.Csp (>= 4.3) - restriction: || (&& (== net472) (< net46)) (== net50)
      System.Security.Cryptography.Encoding (>= 4.3)
      System.Security.Cryptography.OpenSsl (>= 4.3) - restriction: || (&& (== net472) (< net46)) (== net50)
      System.Security.Cryptography.Primitives (>= 4.3) - restriction: || (&& (== net472) (< net46)) (== net50)
      System.Text.Encoding (>= 4.3) - restriction: || (&& (== net472) (< net46)) (== net50)
      System.Threading (>= 4.3) - restriction: || (&& (== net472) (< net46)) (== net50)
    System.Security.Principal.Windows (5.0)
    System.Text.Encoding (4.3) - restriction: || (&& (== net472) (>= netcoreapp2.1)) (== net50)
      Microsoft.NETCore.Platforms (>= 1.1) - restriction: || (&& (== net472) (< net45)) (== net50)
      Microsoft.NETCore.Targets (>= 1.1) - restriction: || (&& (== net472) (< net45)) (== net50)
      System.Runtime (>= 4.3) - restriction: || (&& (== net472) (< net45)) (== net50)
    System.Text.Encoding.Extensions (4.3) - restriction: || (&& (== net472) (>= netcoreapp2.1)) (== net50)
      Microsoft.NETCore.Platforms (>= 1.1) - restriction: || (&& (== net472) (< net45)) (== net50)
      Microsoft.NETCore.Targets (>= 1.1) - restriction: || (&& (== net472) (< net45)) (== net50)
      System.Runtime (>= 4.3) - restriction: || (&& (== net472) (< net45)) (== net50)
      System.Text.Encoding (>= 4.3) - restriction: || (&& (== net472) (< net45)) (== net50)
    System.Text.Encodings.Web (5.0.1) - restriction: || (== net472) (&& (== net50) (>= net46)) (&& (== net50) (>= net461)) (&& (== net50) (>= net472))
      System.Buffers (>= 4.5.1) - restriction: || (== net472) (&& (== net50) (>= net461)) (&& (== net50) (< netcoreapp2.0) (< netstandard2.1))
      System.Memory (>= 4.5.4) - restriction: || (== net472) (&& (== net50) (>= net461)) (&& (== net50) (< netcoreapp2.0) (< netstandard2.1)) (&& (== net50) (< netcoreapp2.1) (< netstandard2.1)) (&& (== net50) (>= uap10.1))
    System.Text.Json (5.0.2) - restriction: || (== net472) (&& (== net50) (>= net46)) (&& (== net50) (>= net472))
      Microsoft.Bcl.AsyncInterfaces (>= 5.0) - restriction: || (== net472) (&& (== net50) (>= monotouch)) (&& (== net50) (>= net461)) (&& (== net50) (< netcoreapp2.0)) (&& (== net50) (< netcoreapp2.1)) (&& (== net50) (< netcoreapp3.0)) (&& (== net50) (< netstandard2.0) (>= xamarintvos)) (&& (== net50) (< netstandard2.0) (>= xamarinwatchos)) (&& (== net50) (>= uap10.1))
      System.Buffers (>= 4.5.1) - restriction: || (== net472) (&& (== net50) (>= monotouch)) (&& (== net50) (>= net461)) (&& (== net50) (< netcoreapp2.0)) (&& (== net50) (< netstandard2.0) (>= xamarintvos)) (&& (== net50) (< netstandard2.0) (>= xamarinwatchos))
      System.Memory (>= 4.5.4) - restriction: || (== net472) (&& (== net50) (>= net461)) (&& (== net50) (< netcoreapp2.0)) (&& (== net50) (< netcoreapp2.1)) (&& (== net50) (>= uap10.1))
      System.Numerics.Vectors (>= 4.5) - restriction: || (== net472) (&& (== net50) (>= net461)) (&& (== net50) (< netcoreapp2.0))
      System.Runtime.CompilerServices.Unsafe (>= 5.0) - restriction: || (== net472) (&& (== net50) (>= monotouch)) (&& (== net50) (>= net461)) (&& (== net50) (< netcoreapp2.0)) (&& (== net50) (< netcoreapp2.1)) (&& (== net50) (< netcoreapp3.0)) (&& (== net50) (< netstandard2.0) (>= xamarintvos)) (&& (== net50) (< netstandard2.0) (>= xamarinwatchos)) (&& (== net50) (>= uap10.1))
      System.Text.Encodings.Web (>= 5.0.1) - restriction: || (== net472) (&& (== net50) (>= monotouch)) (&& (== net50) (>= net461)) (&& (== net50) (< netcoreapp2.0)) (&& (== net50) (< netcoreapp2.1)) (&& (== net50) (< netcoreapp3.0)) (&& (== net50) (< netstandard2.0) (>= xamarintvos)) (&& (== net50) (< netstandard2.0) (>= xamarinwatchos)) (&& (== net50) (>= uap10.1))
      System.Threading.Tasks.Extensions (>= 4.5.4) - restriction: || (== net472) (&& (== net50) (>= net461)) (&& (== net50) (< netcoreapp2.0)) (&& (== net50) (< netcoreapp2.1)) (&& (== net50) (>= uap10.1))
      System.ValueTuple (>= 4.5) - restriction: || (== net472) (&& (== net50) (>= net461))
    System.Text.RegularExpressions (4.3.1) - restriction: || (&& (== net472) (>= netcoreapp2.1)) (== net50)
      System.Runtime (>= 4.3.1) - restriction: || (&& (== net472) (< net45)) (&& (== net472) (>= netcoreapp1.1)) (== net50)
    System.Threading (4.3) - restriction: || (&& (== net472) (>= netcoreapp2.1)) (== net50)
      System.Runtime (>= 4.3) - restriction: || (&& (== net472) (< net45)) (== net50)
      System.Threading.Tasks (>= 4.3) - restriction: || (&& (== net472) (< net45)) (== net50)
    System.Threading.AccessControl (5.0) - restriction: || (== net472) (&& (== net50) (>= net472))
      System.Security.AccessControl (>= 5.0)
      System.Security.Principal.Windows (>= 5.0)
    System.Threading.Tasks (4.3) - restriction: || (&& (== net472) (>= netcoreapp2.1)) (== net50)
      Microsoft.NETCore.Platforms (>= 1.1) - restriction: || (&& (== net472) (< net45)) (== net50)
      Microsoft.NETCore.Targets (>= 1.1) - restriction: || (&& (== net472) (< net45)) (== net50)
      System.Runtime (>= 4.3) - restriction: || (&& (== net472) (< net45)) (== net50)
    System.Threading.Tasks.Dataflow (5.0)
    System.Threading.Tasks.Extensions (4.5.4)
      System.Runtime.CompilerServices.Unsafe (>= 4.5.3) - restriction: || (== net472) (&& (== net50) (>= net461)) (&& (== net50) (< netcoreapp2.1)) (&& (== net50) (< netstandard1.0)) (&& (== net50) (< netstandard2.0)) (&& (== net50) (>= wp8))
    System.Threading.Thread (4.3) - restriction: || (&& (== net472) (>= netcoreapp2.1)) (== net50)
      System.Runtime (>= 4.3) - restriction: || (&& (== net472) (< net46)) (== net50)
    System.Threading.ThreadPool (4.3) - restriction: || (&& (== net472) (>= netcoreapp2.1)) (== net50)
      System.Runtime (>= 4.3) - restriction: || (&& (== net472) (< net46)) (== net50)
      System.Runtime.Handles (>= 4.3) - restriction: || (&& (== net472) (< net46)) (== net50)
    System.ValueTuple (4.5) - copy_local: true, restriction: || (== net472) (&& (== net50) (>= net45)) (&& (== net50) (>= net461)) (&& (== net50) (>= net472))
    System.Xml.ReaderWriter (4.3.1) - restriction: || (&& (== net472) (>= netcoreapp2.1)) (== net50)
      System.Collections (>= 4.3) - restriction: || (&& (== net472) (< net45)) (== net50)
      System.Diagnostics.Debug (>= 4.3) - restriction: || (&& (== net472) (< net45)) (== net50)
      System.Globalization (>= 4.3) - restriction: || (&& (== net472) (< net45)) (== net50)
      System.IO (>= 4.3) - restriction: || (&& (== net472) (< net45)) (== net50)
      System.IO.FileSystem (>= 4.3) - restriction: || (&& (== net472) (< net45)) (== net50)
      System.IO.FileSystem.Primitives (>= 4.3) - restriction: || (&& (== net472) (< net45)) (== net50)
      System.Resources.ResourceManager (>= 4.3) - restriction: || (&& (== net472) (< net45)) (== net50)
      System.Runtime (>= 4.3) - restriction: || (&& (== net472) (< net45)) (== net50)
      System.Runtime.Extensions (>= 4.3) - restriction: || (&& (== net472) (< net45)) (== net50)
      System.Runtime.InteropServices (>= 4.3) - restriction: || (&& (== net472) (< net45)) (== net50)
      System.Text.Encoding (>= 4.3) - restriction: || (&& (== net472) (< net45)) (== net50)
      System.Text.Encoding.Extensions (>= 4.3) - restriction: || (&& (== net472) (< net45)) (== net50)
      System.Text.RegularExpressions (>= 4.3) - restriction: || (&& (== net472) (< net45)) (== net50)
      System.Threading.Tasks (>= 4.3) - restriction: || (&& (== net472) (< net45)) (== net50)
      System.Threading.Tasks.Extensions (>= 4.3) - restriction: || (&& (== net472) (< net45)) (== net50)
    System.Xml.XmlDocument (4.3) - restriction: || (&& (== net472) (>= netcoreapp2.1)) (== net50)
      System.Collections (>= 4.3) - restriction: || (&& (== net472) (< net46)) (== net50)
      System.Diagnostics.Debug (>= 4.3) - restriction: || (&& (== net472) (< net46)) (== net50)
      System.Globalization (>= 4.3) - restriction: || (&& (== net472) (< net46)) (== net50)
      System.IO (>= 4.3) - restriction: || (&& (== net472) (< net46)) (== net50)
      System.Resources.ResourceManager (>= 4.3) - restriction: || (&& (== net472) (< net46)) (== net50)
      System.Runtime (>= 4.3) - restriction: || (&& (== net472) (< net46)) (== net50)
      System.Runtime.Extensions (>= 4.3) - restriction: || (&& (== net472) (< net46)) (== net50)
      System.Text.Encoding (>= 4.3) - restriction: || (&& (== net472) (< net46)) (== net50)
      System.Threading (>= 4.3) - restriction: || (&& (== net472) (< net46)) (== net50)
      System.Xml.ReaderWriter (>= 4.3) - restriction: || (&& (== net472) (< net46)) (== net50)
    System.Xml.XPath (4.3) - restriction: || (&& (== net472) (>= netcoreapp2.1)) (== net50)
      System.Collections (>= 4.3) - restriction: || (&& (== net472) (< net46)) (== net50)
      System.Diagnostics.Debug (>= 4.3) - restriction: || (&& (== net472) (< net46)) (== net50)
      System.Globalization (>= 4.3) - restriction: || (&& (== net472) (< net46)) (== net50)
      System.IO (>= 4.3) - restriction: || (&& (== net472) (< net46)) (== net50)
      System.Resources.ResourceManager (>= 4.3) - restriction: || (&& (== net472) (< net46)) (== net50)
      System.Runtime (>= 4.3) - restriction: || (&& (== net472) (< net46)) (== net50)
      System.Runtime.Extensions (>= 4.3) - restriction: || (&& (== net472) (< net46)) (== net50)
      System.Threading (>= 4.3) - restriction: || (&& (== net472) (< net46)) (== net50)
      System.Xml.ReaderWriter (>= 4.3) - restriction: || (&& (== net472) (< net46)) (== net50)
    System.Xml.XPath.XmlDocument (4.3) - restriction: || (&& (== net472) (>= netcoreapp2.1)) (== net50)
      System.Collections (>= 4.3) - restriction: || (&& (== net472) (< net46)) (== net50)
      System.Globalization (>= 4.3) - restriction: || (&& (== net472) (< net46)) (== net50)
      System.IO (>= 4.3) - restriction: || (&& (== net472) (< net46)) (== net50)
      System.Resources.ResourceManager (>= 4.3) - restriction: || (&& (== net472) (< net46)) (== net50)
      System.Runtime (>= 4.3) - restriction: || (&& (== net472) (< net46)) (== net50)
      System.Runtime.Extensions (>= 4.3) - restriction: || (&& (== net472) (< net46)) (== net50)
      System.Threading (>= 4.3) - restriction: || (&& (== net472) (< net46)) (== net50)
      System.Xml.ReaderWriter (>= 4.3) - restriction: || (&& (== net472) (< net46)) (== net50)
      System.Xml.XmlDocument (>= 4.3)
      System.Xml.XPath (>= 4.3)
    VSLangProj (16.9.31023.347)
      EnvDTE (>= 16.9.31023.347)
      Microsoft.VisualStudio.SDK.EmbedInteropTypes (>= 15.0.34)
    VSLangProj100 (16.9.31023.347)
      Microsoft.VisualStudio.SDK.EmbedInteropTypes (>= 15.0.34)
    VSLangProj110 (16.9.31023.347)
      Microsoft.VisualStudio.SDK.EmbedInteropTypes (>= 15.0.34)
      VSLangProj80 (>= 16.9.31023.347)
      VSLangProj90 (>= 16.9.31023.347)
    VSLangProj140 (16.9.31023.347)
      Microsoft.VisualStudio.SDK.EmbedInteropTypes (>= 15.0.34)
      VSLangProj80 (>= 16.9.31023.347)
    VSLangProj150 (16.9.31023.347)
      Microsoft.VisualStudio.SDK.EmbedInteropTypes (>= 15.0.34)
      VSLangProj110 (>= 16.9.31023.347)
      VSLangProj140 (>= 16.9.31023.347)
    VSLangProj157 (16.9.31023.347)
      Microsoft.VisualStudio.SDK.EmbedInteropTypes (>= 15.0.34)
      VSLangProj110 (>= 16.9.31023.347)
    VSLangProj158 (16.9.31023.347)
      Microsoft.VisualStudio.SDK.EmbedInteropTypes (>= 15.0.34)
      VSLangProj110 (>= 16.9.31023.347)
    VSLangProj2 (16.9.31023.347)
      Microsoft.VisualStudio.SDK.EmbedInteropTypes (>= 15.0.34)
      VSLangProj (>= 16.9.31023.347)
    VSLangProj80 (16.9.31023.347)
      Microsoft.VisualStudio.SDK.EmbedInteropTypes (>= 15.0.34)
      VSLangProj2 (>= 16.9.31023.347)
    VSLangProj90 (16.9.31023.347)
      Microsoft.VisualStudio.SDK.EmbedInteropTypes (>= 15.0.34)
